RESTRICTION: || (== net472) (== net6.0)
NUGET
  remote: https://api.nuget.org/v3/index.json
    AspNetCore.HealthChecks.NpgSql (6.0.2)
      Microsoft.Extensions.Diagnostics.HealthChecks (>= 6.0.2)
      Npgsql (>= 6.0)
    Baseline (3.2.2) - restriction: || (&& (== net472) (>= net5.0)) (== net6.0)
    BaselineTypeDiscovery (1.1.3) - restriction: || (&& (== net472) (>= net5.0)) (== net6.0)
    Be.Vlaanderen.Basisregisters.Build.Pipeline (6.0.5)
      Fake.Core.Environment (>= 5.22)
      Fake.Core.Process (>= 5.22)
      Fake.Core.Target (>= 5.22)
      Fake.DotNet.AssemblyInfoFile (>= 5.22)
      Fake.DotNet.Cli (>= 5.22)
      Fake.DotNet.Paket (>= 5.22)
      Fake.IO.FileSystem (>= 5.22)
      Fake.JavaScript.Npm (>= 5.22)
      Newtonsoft.Json (>= 13.0.1)
    BlackFox.VsWhere (1.1)
      FSharp.Core (>= 4.0.0.1) - restriction: || (== net472) (&& (== net6.0) (>= net45))
      FSharp.Core (>= 4.2.3) - restriction: || (&& (== net472) (< net45)) (== net6.0)
      Microsoft.Win32.Registry (>= 4.7) - restriction: || (&& (== net472) (< net45)) (== net6.0)
    Castle.Core (5.0)
      System.Diagnostics.EventLog (>= 6.0) - restriction: || (&& (== net472) (>= net6.0)) (== net6.0)
    Ductus.FluentDocker (2.10.55)
      Newtonsoft.Json (>= 13.0.1)
      SharpCompress (>= 0.29)
      System.Net.Http (>= 4.3.4) - restriction: || (== net472) (&& (== net6.0) (>= net461))
      System.Runtime.InteropServices.RuntimeInformation (>= 4.3) - restriction: || (== net472) (&& (== net6.0) (>= net461))
    Fake.Core.CommandLineParsing (5.22)
      FParsec (>= 1.1.1)
      FSharp.Core (>= 6.0)
    Fake.Core.Context (5.22)
      FSharp.Core (>= 6.0)
    Fake.Core.Environment (5.22)
      FSharp.Core (>= 6.0)
    Fake.Core.FakeVar (5.22)
      Fake.Core.Context (>= 5.22)
      FSharp.Core (>= 6.0)
    Fake.Core.Process (5.22)
      Fake.Core.Environment (>= 5.22)
      Fake.Core.FakeVar (>= 5.22)
      Fake.Core.String (>= 5.22)
      Fake.Core.Trace (>= 5.22)
      Fake.IO.FileSystem (>= 5.22)
      FSharp.Core (>= 6.0)
      System.Collections.Immutable (>= 5.0)
    Fake.Core.SemVer (5.22)
      FSharp.Core (>= 6.0)
    Fake.Core.String (5.22)
      FSharp.Core (>= 6.0)
    Fake.Core.Target (5.22)
      Fake.Core.CommandLineParsing (>= 5.22)
      Fake.Core.Context (>= 5.22)
      Fake.Core.Environment (>= 5.22)
      Fake.Core.FakeVar (>= 5.22)
      Fake.Core.Process (>= 5.22)
      Fake.Core.String (>= 5.22)
      Fake.Core.Trace (>= 5.22)
      FSharp.Control.Reactive (>= 5.0.2)
      FSharp.Core (>= 6.0)
    Fake.Core.Tasks (5.22)
      Fake.Core.Trace (>= 5.22)
      FSharp.Core (>= 6.0)
    Fake.Core.Trace (5.22)
      Fake.Core.Environment (>= 5.22)
      Fake.Core.FakeVar (>= 5.22)
      FSharp.Core (>= 6.0)
    Fake.Core.Xml (5.22)
      Fake.Core.String (>= 5.22)
      FSharp.Core (>= 6.0)
    Fake.DotNet.AssemblyInfoFile (5.22)
      Fake.Core.Environment (>= 5.22)
      Fake.Core.String (>= 5.22)
      Fake.Core.Trace (>= 5.22)
      Fake.IO.FileSystem (>= 5.22)
      FSharp.Core (>= 6.0)
    Fake.DotNet.Cli (5.22)
      Fake.Core.Environment (>= 5.22)
      Fake.Core.Process (>= 5.22)
      Fake.Core.String (>= 5.22)
      Fake.Core.Trace (>= 5.22)
      Fake.DotNet.MSBuild (>= 5.22)
      Fake.DotNet.NuGet (>= 5.22)
      Fake.IO.FileSystem (>= 5.22)
      FSharp.Core (>= 6.0)
      Mono.Posix.NETStandard (>= 1.0)
      Newtonsoft.Json (>= 13.0.1)
    Fake.DotNet.MSBuild (5.22)
      BlackFox.VsWhere (>= 1.1)
      Fake.Core.Environment (>= 5.22)
      Fake.Core.Process (>= 5.22)
      Fake.Core.String (>= 5.22)
      Fake.Core.Trace (>= 5.22)
      Fake.IO.FileSystem (>= 5.22)
      FSharp.Core (>= 6.0)
      MSBuild.StructuredLogger (>= 2.1.545)
    Fake.DotNet.NuGet (5.22)
      Fake.Core.Environment (>= 5.22)
      Fake.Core.Process (>= 5.22)
      Fake.Core.SemVer (>= 5.22)
      Fake.Core.String (>= 5.22)
      Fake.Core.Tasks (>= 5.22)
      Fake.Core.Trace (>= 5.22)
      Fake.Core.Xml (>= 5.22)
      Fake.IO.FileSystem (>= 5.22)
      Fake.Net.Http (>= 5.22)
      FSharp.Core (>= 6.0)
      Newtonsoft.Json (>= 13.0.1)
      NuGet.Protocol (>= 5.11)
    Fake.DotNet.Paket (5.22)
      Fake.Core.Process (>= 5.22)
      Fake.Core.String (>= 5.22)
      Fake.Core.Trace (>= 5.22)
      Fake.DotNet.Cli (>= 5.22)
      Fake.IO.FileSystem (>= 5.22)
      FSharp.Core (>= 6.0)
    Fake.IO.FileSystem (5.22)
      Fake.Core.String (>= 5.22)
      FSharp.Core (>= 6.0)
    Fake.JavaScript.Npm (5.22)
      Fake.Core.Environment (>= 5.22)
      Fake.Core.Process (>= 5.22)
      Fake.IO.FileSystem (>= 5.22)
      Fake.Testing.Common (>= 5.22)
      FSharp.Core (>= 6.0)
    Fake.Net.Http (5.22)
      Fake.Core.Trace (>= 5.22)
      FSharp.Core (>= 6.0)
    Fake.Testing.Common (5.22)
      Fake.Core.Trace (>= 5.22)
      FSharp.Core (>= 6.0)
    FastExpressionCompiler.Internal.src (3.3.2) - restriction: || (&& (== net472) (>= net5.0)) (== net6.0)
      System.Dynamic.Runtime (>= 4.3) - restriction: || (&& (== net472) (< net45)) (== net6.0)
      System.Reflection.Emit.Lightweight (>= 4.7) - restriction: || (&& (== net472) (< net45)) (== net6.0)
    FluentAssertions (6.5.1)
      System.Configuration.ConfigurationManager (>= 4.4) - restriction: || (&& (== net472) (>= netcoreapp2.1)) (&& (== net472) (>= netcoreapp3.0)) (== net6.0)
      System.Net.Http (>= 4.3.4) - restriction: || (== net472) (&& (== net6.0) (>= net47))
      System.Threading.Tasks.Extensions (>= 4.5) - restriction: || (== net472) (&& (== net6.0) (>= net47)) (&& (== net6.0) (< netcoreapp2.1) (< netstandard2.1))
    FParsec (1.1.1)
      FSharp.Core (>= 4.3.4)
      System.ValueTuple (>= 4.4) - restriction: || (== net472) (&& (== net6.0) (>= net45))
    FSharp.Control.Reactive (5.0.5)
      FSharp.Core (>= 4.7.2)
      System.Reactive (>= 5.0 < 6.0)
    FSharp.Core (6.0.5)
    Humanizer.Core (2.14.1) - restriction: || (&& (== net472) (>= net5.0)) (== net6.0)
    LamarCodeGeneration (6.1.6) - restriction: || (&& (== net472) (>= net5.0)) (== net6.0)
      System.Reflection.Emit.Lightweight (>= 4.7)
      System.Threading.Tasks.Extensions (>= 4.5.4)
      System.ValueTuple (>= 4.5)
    LamarCompiler (6.1.6) - restriction: || (&& (== net472) (>= net5.0)) (== net6.0)
      BaselineTypeDiscovery (>= 1.1.3)
      LamarCodeGeneration (>= 6.1.6)
      Microsoft.CodeAnalysis (>= 4.1)
      Microsoft.CodeAnalysis.CSharp (>= 4.1)
      Microsoft.CodeAnalysis.Scripting (>= 4.1)
      Microsoft.Extensions.Logging.Abstractions (>= 3.0 < 8.0)
      System.Reflection.Emit.Lightweight (>= 4.7)
      System.Runtime.Loader (>= 4.3)
    Marten (5.6) - restriction: || (&& (== net472) (>= net5.0)) (== net6.0)
      BaselineTypeDiscovery (>= 1.1.3)
      FastExpressionCompiler.Internal.src (>= 3.2.2)
      LamarCodeGeneration (>= 6.1.4)
      LamarCompiler (>= 6.1.4)
      Microsoft.Extensions.DependencyInjection.Abstractions (>= 6.0) - restriction: || (&& (== net472) (>= net6.0)) (== net6.0)
      Microsoft.Extensions.Hosting.Abstractions (>= 6.0) - restriction: || (&& (== net472) (>= net6.0)) (== net6.0)
      Microsoft.Extensions.Logging.Abstractions (>= 6.0) - restriction: || (&& (== net472) (>= net6.0)) (== net6.0)
      Newtonsoft.Json (>= 13.0.1)
      Npgsql.Json.NET (>= 6.0.1 < 7.0)
      Remotion.Linq (>= 2.2)
      System.Text.Json (>= 6.0)
      System.Threading.Tasks.Dataflow (>= 6.0)
      Weasel.Postgresql (>= 5.5)
    Marten.AspNetCore (5.5.2)
      Marten (>= 5.5.2) - restriction: || (&& (== net472) (>= net5.0)) (== net6.0)
    Microsoft.AspNetCore.Authentication.Abstractions (2.2) - restriction: || (== net472) (&& (== net6.0) (< netcoreapp3.0))
      Microsoft.AspNetCore.Http.Abstractions (>= 2.2)
      Microsoft.Extensions.Logging.Abstractions (>= 2.2)
      Microsoft.Extensions.Options (>= 2.2)
    Microsoft.AspNetCore.Authentication.Core (2.2) - restriction: || (== net472) (&& (== net6.0) (< netcoreapp3.0))
      Microsoft.AspNetCore.Authentication.Abstractions (>= 2.2)
      Microsoft.AspNetCore.Http (>= 2.2)
      Microsoft.AspNetCore.Http.Extensions (>= 2.2)
    Microsoft.AspNetCore.Authentication.JwtBearer (6.0.7)
      Microsoft.IdentityModel.Protocols.OpenIdConnect (>= 6.10) - restriction: || (&& (== net472) (>= net6.0)) (== net6.0)
    Microsoft.AspNetCore.Authorization (6.0.7) - restriction: || (== net472) (&& (== net6.0) (< netcoreapp3.0))
      Microsoft.AspNetCore.Metadata (>= 6.0.7)
      Microsoft.Extensions.Logging.Abstractions (>= 6.0.1)
      Microsoft.Extensions.Options (>= 6.0)
    Microsoft.AspNetCore.Authorization.Policy (2.2) - restriction: || (== net472) (&& (== net6.0) (< netcoreapp3.0))
      Microsoft.AspNetCore.Authentication.Abstractions (>= 2.2)
      Microsoft.AspNetCore.Authorization (>= 2.2)
    Microsoft.AspNetCore.Hosting.Abstractions (2.2) - restriction: || (== net472) (&& (== net6.0) (< netcoreapp3.0))
      Microsoft.AspNetCore.Hosting.Server.Abstractions (>= 2.2)
      Microsoft.AspNetCore.Http.Abstractions (>= 2.2)
      Microsoft.Extensions.Hosting.Abstractions (>= 2.2)
    Microsoft.AspNetCore.Hosting.Server.Abstractions (2.2) - restriction: || (== net472) (&& (== net6.0) (< netcoreapp3.0))
      Microsoft.AspNetCore.Http.Features (>= 2.2)
      Microsoft.Extensions.Configuration.Abstractions (>= 2.2)
    Microsoft.AspNetCore.Http (2.2.2) - restriction: || (== net472) (&& (== net6.0) (< netcoreapp3.0))
      Microsoft.AspNetCore.Http.Abstractions (>= 2.2)
      Microsoft.AspNetCore.WebUtilities (>= 2.2)
      Microsoft.Extensions.ObjectPool (>= 2.2)
      Microsoft.Extensions.Options (>= 2.2)
      Microsoft.Net.Http.Headers (>= 2.2)
    Microsoft.AspNetCore.Http.Abstractions (2.2) - restriction: || (== net472) (&& (== net6.0) (< netcoreapp3.0))
      Microsoft.AspNetCore.Http.Features (>= 2.2)
      System.Text.Encodings.Web (>= 4.5)
    Microsoft.AspNetCore.Http.Extensions (2.2) - restriction: || (== net472) (&& (== net6.0) (< netcoreapp3.0))
      Microsoft.AspNetCore.Http.Abstractions (>= 2.2)
      Microsoft.Extensions.FileProviders.Abstractions (>= 2.2)
      Microsoft.Net.Http.Headers (>= 2.2)
      System.Buffers (>= 4.5)
    Microsoft.AspNetCore.Http.Features (5.0.17) - restriction: || (== net472) (&& (== net6.0) (< netcoreapp3.0))
      Microsoft.Extensions.Primitives (>= 5.0.1)
      System.IO.Pipelines (>= 5.0.2)
    Microsoft.AspNetCore.Metadata (6.0.7) - restriction: || (== net472) (&& (== net6.0) (>= net461)) (&& (== net6.0) (< netcoreapp3.0))
    Microsoft.AspNetCore.Mvc.Abstractions (2.2) - restriction: || (== net472) (&& (== net6.0) (< netcoreapp3.0))
      Microsoft.AspNetCore.Routing.Abstractions (>= 2.2)
      Microsoft.Net.Http.Headers (>= 2.2)
    Microsoft.AspNetCore.Mvc.ApiExplorer (2.2) - restriction: || (== net472) (&& (== net6.0) (< netcoreapp3.0))
      Microsoft.AspNetCore.Mvc.Core (>= 2.2)
    Microsoft.AspNetCore.Mvc.Core (2.2.5) - restriction: || (== net472) (&& (== net6.0) (< netcoreapp3.0))
      Microsoft.AspNetCore.Authentication.Core (>= 2.2)
      Microsoft.AspNetCore.Authorization.Policy (>= 2.2)
      Microsoft.AspNetCore.Hosting.Abstractions (>= 2.2)
      Microsoft.AspNetCore.Http (>= 2.2)
      Microsoft.AspNetCore.Http.Extensions (>= 2.2)
      Microsoft.AspNetCore.Mvc.Abstractions (>= 2.2)
      Microsoft.AspNetCore.ResponseCaching.Abstractions (>= 2.2)
      Microsoft.AspNetCore.Routing (>= 2.2)
      Microsoft.AspNetCore.Routing.Abstractions (>= 2.2)
      Microsoft.Extensions.DependencyInjection (>= 2.2)
      Microsoft.Extensions.DependencyModel (>= 2.1)
      Microsoft.Extensions.FileProviders.Abstractions (>= 2.2)
      Microsoft.Extensions.Logging.Abstractions (>= 2.2)
      System.Diagnostics.DiagnosticSource (>= 4.5)
      System.Threading.Tasks.Extensions (>= 4.5.1)
    Microsoft.AspNetCore.Mvc.DataAnnotations (2.2) - restriction: || (== net472) (&& (== net6.0) (< netcoreapp3.0))
      Microsoft.AspNetCore.Mvc.Core (>= 2.2)
      Microsoft.Extensions.Localization (>= 2.2)
      System.ComponentModel.Annotations (>= 4.5)
    Microsoft.AspNetCore.Mvc.Testing (6.0.6)
      Microsoft.AspNetCore.TestHost (>= 6.0.6) - restriction: || (&& (== net472) (>= net6.0)) (== net6.0)
      Microsoft.Extensions.DependencyModel (>= 6.0) - restriction: || (&& (== net472) (>= net6.0)) (== net6.0)
      Microsoft.Extensions.Hosting (>= 6.0.1) - restriction: || (&& (== net472) (>= net6.0)) (== net6.0)
    Microsoft.AspNetCore.ResponseCaching.Abstractions (2.2) - restriction: || (== net472) (&& (== net6.0) (< netcoreapp3.0))
      Microsoft.Extensions.Primitives (>= 2.2)
    Microsoft.AspNetCore.Routing (2.2.2) - restriction: || (== net472) (&& (== net6.0) (< netcoreapp3.0))
      Microsoft.AspNetCore.Http.Extensions (>= 2.2)
      Microsoft.AspNetCore.Routing.Abstractions (>= 2.2)
      Microsoft.Extensions.Logging.Abstractions (>= 2.2)
      Microsoft.Extensions.ObjectPool (>= 2.2)
      Microsoft.Extensions.Options (>= 2.2)
    Microsoft.AspNetCore.Routing.Abstractions (2.2) - restriction: || (== net472) (&& (== net6.0) (< netcoreapp3.0))
      Microsoft.AspNetCore.Http.Abstractions (>= 2.2)
    Microsoft.AspNetCore.StaticFiles (2.2) - restriction: || (== net472) (&& (== net6.0) (< netcoreapp3.0))
      Microsoft.AspNetCore.Hosting.Abstractions (>= 2.2)
      Microsoft.AspNetCore.Http.Extensions (>= 2.2)
      Microsoft.Extensions.FileProviders.Abstractions (>= 2.2)
      Microsoft.Extensions.Logging.Abstractions (>= 2.2)
      Microsoft.Extensions.WebEncoders (>= 2.2)
    Microsoft.AspNetCore.TestHost (6.0.6) - restriction: || (&& (== net472) (>= net6.0)) (== net6.0)
      System.IO.Pipelines (>= 6.0.3) - restriction: || (&& (== net472) (>= net6.0)) (== net6.0)
    Microsoft.AspNetCore.WebUtilities (2.2) - restriction: || (== net472) (&& (== net6.0) (< netcoreapp3.0))
      Microsoft.Net.Http.Headers (>= 2.2)
      System.Text.Encodings.Web (>= 4.5)
    Microsoft.Bcl.AsyncInterfaces (6.0)
      System.Threading.Tasks.Extensions (>= 4.5.4) - restriction: || (== net472) (&& (== net6.0) (>= net461)) (&& (== net6.0) (< netstandard2.1))
    Microsoft.Bcl.HashCode (1.1.1) - restriction: || (== net472) (&& (== net6.0) (< netstandard2.1))
    Microsoft.Build (17.2)
      Microsoft.Build.Framework (>= 17.2)
      Microsoft.IO.Redist (>= 6.0) - restriction: || (== net472) (&& (== net6.0) (>= net472))
      Microsoft.NET.StringTools (>= 1.0)
      Microsoft.Win32.Registry (>= 4.3) - restriction: || (&& (== net472) (>= net6.0)) (== net6.0)
      System.Collections.Immutable (>= 5.0)
      System.Configuration.ConfigurationManager (>= 4.7)
      System.Memory (>= 4.5.4) - restriction: || (== net472) (&& (== net6.0) (>= net472))
      System.Reflection.Metadata (>= 1.6) - restriction: || (&& (== net472) (>= net6.0)) (== net6.0)
      System.Security.Principal.Windows (>= 4.7) - restriction: || (&& (== net472) (>= net6.0)) (== net6.0)
      System.Text.Encoding.CodePages (>= 4.0.1) - restriction: || (&& (== net472) (>= net6.0)) (== net6.0)
      System.Text.Json (>= 6.0)
      System.Threading.Tasks.Dataflow (>= 6.0)
    Microsoft.Build.Framework (17.2)
      Microsoft.Win32.Registry (>= 4.3) - restriction: || (&& (== net472) (>= net6.0)) (== net6.0)
      System.Runtime.CompilerServices.Unsafe (>= 6.0) - restriction: || (== net472) (&& (== net6.0) (>= net472))
      System.Security.Permissions (>= 4.7) - restriction: || (&& (== net472) (>= net6.0)) (== net6.0)
    Microsoft.Build.Tasks.Core (17.2)
      Microsoft.Build.Framework (>= 17.2)
      Microsoft.Build.Utilities.Core (>= 17.2)
      Microsoft.IO.Redist (>= 6.0) - restriction: || (== net472) (&& (== net6.0) (>= net472))
      Microsoft.NET.StringTools (>= 1.0)
      Microsoft.Win32.Registry (>= 4.3) - restriction: || (&& (== net472) (>= net6.0)) (== net6.0)
      System.CodeDom (>= 4.4) - restriction: || (&& (== net472) (>= net6.0)) (== net6.0)
      System.Collections.Immutable (>= 5.0)
      System.Reflection.Metadata (>= 1.6) - restriction: || (&& (== net472) (>= net6.0)) (== net6.0)
      System.Resources.Extensions (>= 4.6)
      System.Security.Cryptography.Pkcs (>= 4.7) - restriction: || (&& (== net472) (>= net6.0)) (== net6.0)
      System.Security.Cryptography.Xml (>= 4.7) - restriction: || (&& (== net472) (>= net6.0)) (== net6.0)
      System.Security.Permissions (>= 4.7) - restriction: || (&& (== net472) (>= net6.0)) (== net6.0)
      System.Threading.Tasks.Dataflow (>= 6.0)
    Microsoft.Build.Utilities.Core (17.2)
      Microsoft.Build.Framework (>= 17.2)
      Microsoft.IO.Redist (>= 6.0) - restriction: || (== net472) (&& (== net6.0) (>= net472))
      Microsoft.NET.StringTools (>= 1.0)
      Microsoft.Win32.Registry (>= 4.3) - restriction: || (&& (== net472) (>= net6.0)) (== net6.0)
      System.Collections.Immutable (>= 5.0)
      System.Configuration.ConfigurationManager (>= 4.7)
    Microsoft.CodeAnalysis (4.2) - restriction: || (&& (== net472) (>= net5.0)) (== net6.0)
      Microsoft.CodeAnalysis.CSharp.Workspaces (4.2)
      Microsoft.CodeAnalysis.VisualBasic.Workspaces (4.2)
    Microsoft.CodeAnalysis.Analyzers (3.3.3) - restriction: || (&& (== net472) (>= net5.0)) (== net6.0)
    Microsoft.CodeAnalysis.Common (4.2) - restriction: || (&& (== net472) (>= net5.0)) (== net6.0)
      Microsoft.CodeAnalysis.Analyzers (>= 3.3.3)
      System.Collections.Immutable (>= 5.0)
      System.Memory (>= 4.5.4)
      System.Reflection.Metadata (>= 5.0)
      System.Runtime.CompilerServices.Unsafe (>= 6.0)
      System.Text.Encoding.CodePages (>= 6.0)
      System.Threading.Tasks.Extensions (>= 4.5.4)
    Microsoft.CodeAnalysis.CSharp (4.2) - restriction: || (&& (== net472) (>= net5.0)) (== net6.0)
      Microsoft.CodeAnalysis.Common (4.2)
    Microsoft.CodeAnalysis.CSharp.Scripting (4.2) - restriction: || (&& (== net472) (>= net5.0)) (== net6.0)
      Microsoft.CodeAnalysis.Common (4.2)
      Microsoft.CodeAnalysis.CSharp (4.2)
      Microsoft.CodeAnalysis.Scripting.Common (4.2)
      Microsoft.CSharp (>= 4.7)
    Microsoft.CodeAnalysis.CSharp.Workspaces (4.2) - restriction: || (&& (== net472) (>= net5.0)) (== net6.0)
      Humanizer.Core (>= 2.2)
      Microsoft.CodeAnalysis.Common (4.2)
      Microsoft.CodeAnalysis.CSharp (4.2)
      Microsoft.CodeAnalysis.Workspaces.Common (4.2)
    Microsoft.CodeAnalysis.Scripting (4.2) - restriction: || (&& (== net472) (>= net5.0)) (== net6.0)
      Microsoft.CodeAnalysis.CSharp.Scripting (4.2)
    Microsoft.CodeAnalysis.Scripting.Common (4.2) - restriction: || (&& (== net472) (>= net5.0)) (== net6.0)
      Microsoft.CodeAnalysis.Common (4.2)
    Microsoft.CodeAnalysis.VisualBasic (4.2) - restriction: || (&& (== net472) (>= net5.0)) (== net6.0)
      Microsoft.CodeAnalysis.Common (4.2)
    Microsoft.CodeAnalysis.VisualBasic.Workspaces (4.2) - restriction: || (&& (== net472) (>= net5.0)) (== net6.0)
      Microsoft.CodeAnalysis.Common (4.2)
      Microsoft.CodeAnalysis.VisualBasic (4.2)
      Microsoft.CodeAnalysis.Workspaces.Common (4.2)
    Microsoft.CodeAnalysis.Workspaces.Common (4.2) - restriction: || (&& (== net472) (>= net5.0)) (== net6.0)
      Humanizer.Core (>= 2.2)
      Microsoft.Bcl.AsyncInterfaces (>= 6.0)
      Microsoft.CodeAnalysis.Common (4.2)
      System.Composition (>= 6.0)
      System.IO.Pipelines (>= 6.0.1)
    Microsoft.CodeCoverage (17.2)
    Microsoft.CSharp (4.7) - restriction: || (&& (== net472) (>= net5.0)) (== net6.0)
    Microsoft.Extensions.Configuration (6.0.1) - restriction: || (&& (== net472) (>= net6.0)) (== net6.0)
      Microsoft.Extensions.Configuration.Abstractions (>= 6.0)
      Microsoft.Extensions.Primitives (>= 6.0)
    Microsoft.Extensions.Configuration.Abstractions (6.0)
      Microsoft.Extensions.Primitives (>= 6.0)
    Microsoft.Extensions.Configuration.Binder (6.0) - restriction: || (&& (== net472) (>= net6.0)) (== net6.0)
      Microsoft.Extensions.Configuration.Abstractions (>= 6.0)
    Microsoft.Extensions.Configuration.CommandLine (6.0) - restriction: || (&& (== net472) (>= net6.0)) (== net6.0)
      Microsoft.Extensions.Configuration (>= 6.0)
      Microsoft.Extensions.Configuration.Abstractions (>= 6.0)
    Microsoft.Extensions.Configuration.EnvironmentVariables (6.0.1) - restriction: || (&& (== net472) (>= net6.0)) (== net6.0)
      Microsoft.Extensions.Configuration (>= 6.0)
      Microsoft.Extensions.Configuration.Abstractions (>= 6.0)
    Microsoft.Extensions.Configuration.FileExtensions (6.0) - restriction: || (&& (== net472) (>= net6.0)) (== net6.0)
      Microsoft.Extensions.Configuration (>= 6.0)
      Microsoft.Extensions.Configuration.Abstractions (>= 6.0)
      Microsoft.Extensions.FileProviders.Abstractions (>= 6.0)
      Microsoft.Extensions.FileProviders.Physical (>= 6.0)
      Microsoft.Extensions.Primitives (>= 6.0)
    Microsoft.Extensions.Configuration.Json (6.0) - restriction: || (&& (== net472) (>= net6.0)) (== net6.0)
      Microsoft.Extensions.Configuration (>= 6.0)
      Microsoft.Extensions.Configuration.Abstractions (>= 6.0)
      Microsoft.Extensions.Configuration.FileExtensions (>= 6.0)
      Microsoft.Extensions.FileProviders.Abstractions (>= 6.0)
      System.Text.Json (>= 6.0)
    Microsoft.Extensions.Configuration.UserSecrets (6.0.1) - restriction: || (&& (== net472) (>= net6.0)) (== net6.0)
      Microsoft.Extensions.Configuration.Abstractions (>= 6.0)
      Microsoft.Extensions.Configuration.Json (>= 6.0)
      Microsoft.Extensions.FileProviders.Abstractions (>= 6.0)
      Microsoft.Extensions.FileProviders.Physical (>= 6.0)
    Microsoft.Extensions.DependencyInjection (6.0)
      Microsoft.Extensions.DependencyInjection.Abstractions (>= 6.0)
      System.Runtime.CompilerServices.Unsafe (>= 6.0)
    Microsoft.Extensions.DependencyInjection.Abstractions (6.0)
      Microsoft.Bcl.AsyncInterfaces (>= 6.0) - restriction: || (== net472) (&& (== net6.0) (>= net461)) (&& (== net6.0) (< netstandard2.1))
      System.Threading.Tasks.Extensions (>= 4.5.4) - restriction: || (== net472) (&& (== net6.0) (>= net461)) (&& (== net6.0) (< netstandard2.1))
    Microsoft.Extensions.DependencyModel (6.0)
      System.Buffers (>= 4.5.1)
      System.Memory (>= 4.5.4)
      System.Runtime.CompilerServices.Unsafe (>= 6.0)
      System.Text.Encodings.Web (>= 6.0)
      System.Text.Json (>= 6.0)
    Microsoft.Extensions.Diagnostics.HealthChecks (6.0.7)
      Microsoft.Extensions.Diagnostics.HealthChecks.Abstractions (>= 6.0.7)
      Microsoft.Extensions.Hosting.Abstractions (>= 6.0)
      Microsoft.Extensions.Logging.Abstractions (>= 6.0.1)
      Microsoft.Extensions.Options (>= 6.0)
    Microsoft.Extensions.Diagnostics.HealthChecks.Abstractions (6.0.7)
    Microsoft.Extensions.FileProviders.Abstractions (6.0)
      Microsoft.Extensions.Primitives (>= 6.0)
    Microsoft.Extensions.FileProviders.Embedded (6.0.7) - restriction: || (== net472) (&& (== net6.0) (< netcoreapp3.0))
      Microsoft.Extensions.FileProviders.Abstractions (>= 6.0)
    Microsoft.Extensions.FileProviders.Physical (6.0) - restriction: || (&& (== net472) (>= net6.0)) (== net6.0)
      Microsoft.Extensions.FileProviders.Abstractions (>= 6.0)
      Microsoft.Extensions.FileSystemGlobbing (>= 6.0)
      Microsoft.Extensions.Primitives (>= 6.0)
    Microsoft.Extensions.FileSystemGlobbing (6.0) - restriction: || (&& (== net472) (>= net6.0)) (== net6.0)
    Microsoft.Extensions.Hosting (6.0.1) - restriction: || (&& (== net472) (>= net6.0)) (== net6.0)
      Microsoft.Extensions.Configuration (>= 6.0)
      Microsoft.Extensions.Configuration.Abstractions (>= 6.0)
      Microsoft.Extensions.Configuration.Binder (>= 6.0)
      Microsoft.Extensions.Configuration.CommandLine (>= 6.0)
      Microsoft.Extensions.Configuration.EnvironmentVariables (>= 6.0.1)
      Microsoft.Extensions.Configuration.FileExtensions (>= 6.0)
      Microsoft.Extensions.Configuration.Json (>= 6.0)
      Microsoft.Extensions.Configuration.UserSecrets (>= 6.0.1)
      Microsoft.Extensions.DependencyInjection (>= 6.0)
      Microsoft.Extensions.DependencyInjection.Abstractions (>= 6.0)
      Microsoft.Extensions.FileProviders.Abstractions (>= 6.0)
      Microsoft.Extensions.FileProviders.Physical (>= 6.0)
      Microsoft.Extensions.Hosting.Abstractions (>= 6.0)
      Microsoft.Extensions.Logging (>= 6.0)
      Microsoft.Extensions.Logging.Abstractions (>= 6.0)
      Microsoft.Extensions.Logging.Configuration (>= 6.0)
      Microsoft.Extensions.Logging.Console (>= 6.0)
      Microsoft.Extensions.Logging.Debug (>= 6.0)
      Microsoft.Extensions.Logging.EventLog (>= 6.0)
      Microsoft.Extensions.Logging.EventSource (>= 6.0)
      Microsoft.Extensions.Options (>= 6.0)
    Microsoft.Extensions.Hosting.Abstractions (6.0)
      Microsoft.Bcl.AsyncInterfaces (>= 6.0) - restriction: || (== net472) (&& (== net6.0) (>= net461)) (&& (== net6.0) (< netstandard2.1))
      Microsoft.Extensions.Configuration.Abstractions (>= 6.0)
      Microsoft.Extensions.DependencyInjection.Abstractions (>= 6.0)
      Microsoft.Extensions.FileProviders.Abstractions (>= 6.0)
      System.Runtime.CompilerServices.Unsafe (>= 6.0) - restriction: || (== net472) (&& (== net6.0) (>= net461)) (&& (== net6.0) (< netstandard2.1))
      System.Threading.Tasks.Extensions (>= 4.5.4) - restriction: || (== net472) (&& (== net6.0) (>= net461)) (&& (== net6.0) (< netstandard2.1))
    Microsoft.Extensions.Http (6.0)
      Microsoft.Extensions.DependencyInjection.Abstractions (>= 6.0)
      Microsoft.Extensions.Logging (>= 6.0)
      Microsoft.Extensions.Logging.Abstractions (>= 6.0)
      Microsoft.Extensions.Options (>= 6.0)
    Microsoft.Extensions.Localization (6.0.7) - restriction: || (== net472) (&& (== net6.0) (< netcoreapp3.0))
      Microsoft.Extensions.DependencyInjection.Abstractions (>= 6.0)
      Microsoft.Extensions.Localization.Abstractions (>= 6.0.7)
      Microsoft.Extensions.Logging.Abstractions (>= 6.0.1)
      Microsoft.Extensions.Options (>= 6.0)
    Microsoft.Extensions.Localization.Abstractions (6.0.7) - restriction: || (== net472) (&& (== net6.0) (>= net461)) (&& (== net6.0) (< netcoreapp3.0))
    Microsoft.Extensions.Logging (6.0)
      Microsoft.Bcl.AsyncInterfaces (>= 6.0) - restriction: || (== net472) (&& (== net6.0) (>= net461)) (&& (== net6.0) (< netstandard2.1))
      Microsoft.Extensions.DependencyInjection (>= 6.0)
      Microsoft.Extensions.DependencyInjection.Abstractions (>= 6.0)
      Microsoft.Extensions.Logging.Abstractions (>= 6.0)
      Microsoft.Extensions.Options (>= 6.0)
      System.Diagnostics.DiagnosticSource (>= 6.0)
      System.ValueTuple (>= 4.5) - restriction: || (== net472) (&& (== net6.0) (>= net461))
    Microsoft.Extensions.Logging.Abstractions (6.0.1)
      System.Buffers (>= 4.5.1) - restriction: || (== net472) (&& (== net6.0) (>= net461))
      System.Memory (>= 4.5.4) - restriction: || (== net472) (&& (== net6.0) (>= net461))
    Microsoft.Extensions.Logging.Configuration (6.0) - restriction: || (&& (== net472) (>= net6.0)) (== net6.0)
      Microsoft.Extensions.Configuration (>= 6.0)
      Microsoft.Extensions.Configuration.Abstractions (>= 6.0)
      Microsoft.Extensions.Configuration.Binder (>= 6.0)
      Microsoft.Extensions.DependencyInjection.Abstractions (>= 6.0)
      Microsoft.Extensions.Logging (>= 6.0)
      Microsoft.Extensions.Logging.Abstractions (>= 6.0)
      Microsoft.Extensions.Options (>= 6.0)
      Microsoft.Extensions.Options.ConfigurationExtensions (>= 6.0)
    Microsoft.Extensions.Logging.Console (6.0) - restriction: || (&& (== net472) (>= net6.0)) (== net6.0)
      Microsoft.Extensions.DependencyInjection.Abstractions (>= 6.0)
      Microsoft.Extensions.Logging (>= 6.0)
      Microsoft.Extensions.Logging.Abstractions (>= 6.0)
      Microsoft.Extensions.Logging.Configuration (>= 6.0)
      Microsoft.Extensions.Options (>= 6.0)
      System.Text.Json (>= 6.0)
    Microsoft.Extensions.Logging.Debug (6.0) - restriction: || (&& (== net472) (>= net6.0)) (== net6.0)
      Microsoft.Extensions.DependencyInjection.Abstractions (>= 6.0)
      Microsoft.Extensions.Logging (>= 6.0)
      Microsoft.Extensions.Logging.Abstractions (>= 6.0)
    Microsoft.Extensions.Logging.EventLog (6.0) - restriction: || (&& (== net472) (>= net6.0)) (== net6.0)
      Microsoft.Extensions.DependencyInjection.Abstractions (>= 6.0)
      Microsoft.Extensions.Logging (>= 6.0)
      Microsoft.Extensions.Logging.Abstractions (>= 6.0)
      Microsoft.Extensions.Options (>= 6.0)
      System.Diagnostics.EventLog (>= 6.0) - restriction: || (&& (== net472) (< net461)) (== net6.0)
    Microsoft.Extensions.Logging.EventSource (6.0) - restriction: || (&& (== net472) (>= net6.0)) (== net6.0)
      Microsoft.Extensions.DependencyInjection.Abstractions (>= 6.0)
      Microsoft.Extensions.Logging (>= 6.0)
      Microsoft.Extensions.Logging.Abstractions (>= 6.0)
      Microsoft.Extensions.Options (>= 6.0)
      Microsoft.Extensions.Primitives (>= 6.0)
      System.Runtime.CompilerServices.Unsafe (>= 6.0)
      System.Text.Json (>= 6.0)
    Microsoft.Extensions.ObjectPool (6.0.7) - restriction: || (== net472) (&& (== net6.0) (< netcoreapp3.0))
    Microsoft.Extensions.Options (6.0)
      Microsoft.Extensions.DependencyInjection.Abstractions (>= 6.0)
      Microsoft.Extensions.Primitives (>= 6.0)
    Microsoft.Extensions.Options.ConfigurationExtensions (6.0) - restriction: || (&& (== net472) (>= net6.0)) (== net6.0)
      Microsoft.Extensions.Configuration.Abstractions (>= 6.0)
      Microsoft.Extensions.Configuration.Binder (>= 6.0)
      Microsoft.Extensions.DependencyInjection.Abstractions (>= 6.0)
      Microsoft.Extensions.Options (>= 6.0)
      Microsoft.Extensions.Primitives (>= 6.0)
    Microsoft.Extensions.Primitives (6.0)
      System.Memory (>= 4.5.4) - restriction: || (== net472) (&& (== net6.0) (>= net461)) (&& (== net6.0) (< netcoreapp3.1))
      System.Runtime.CompilerServices.Unsafe (>= 6.0)
    Microsoft.Extensions.WebEncoders (6.0.7) - restriction: || (== net472) (&& (== net6.0) (< netcoreapp3.0))
      Microsoft.Extensions.DependencyInjection.Abstractions (>= 6.0)
      Microsoft.Extensions.Options (>= 6.0)
      System.Text.Encodings.Web (>= 6.0) - restriction: || (== net472) (&& (== net6.0) (>= net461))
    Microsoft.IdentityModel.Abstractions (6.21) - restriction: || (&& (== net472) (>= net6.0)) (== net6.0)
    Microsoft.IdentityModel.JsonWebTokens (6.21) - restriction: || (&& (== net472) (>= net6.0)) (== net6.0)
      Microsoft.IdentityModel.Tokens (>= 6.21)
    Microsoft.IdentityModel.Logging (6.21) - restriction: || (&& (== net472) (>= net6.0)) (== net6.0)
      Microsoft.IdentityModel.Abstractions (>= 6.21)
    Microsoft.IdentityModel.Protocols (6.21) - restriction: || (&& (== net472) (>= net6.0)) (== net6.0)
      Microsoft.IdentityModel.Logging (>= 6.21)
      Microsoft.IdentityModel.Tokens (>= 6.21)
    Microsoft.IdentityModel.Protocols.OpenIdConnect (6.21) - restriction: || (&& (== net472) (>= net6.0)) (== net6.0)
      Microsoft.IdentityModel.Protocols (>= 6.21)
      System.IdentityModel.Tokens.Jwt (>= 6.21)
    Microsoft.IdentityModel.Tokens (6.21) - restriction: || (&& (== net472) (>= net6.0)) (== net6.0)
      Microsoft.CSharp (>= 4.5) - restriction: || (&& (== net472) (< net45)) (&& (== net472) (>= net6.0)) (== net6.0)
      Microsoft.IdentityModel.Logging (>= 6.21)
      System.Security.Cryptography.Cng (>= 4.5) - restriction: || (&& (== net472) (< net45)) (&& (== net472) (>= net6.0)) (== net6.0)
    Microsoft.IO.Redist (6.0) - restriction: || (== net472) (&& (== net6.0) (>= net472))
      System.Buffers (>= 4.5.1) - restriction: || (== net472) (&& (== net6.0) (>= net472))
      System.Memory (>= 4.5.4) - restriction: || (== net472) (&& (== net6.0) (>= net472))
    Microsoft.Net.Http.Headers (2.2.8) - restriction: || (== net472) (&& (== net6.0) (< netcoreapp3.0))
      Microsoft.Extensions.Primitives (>= 2.2)
      System.Buffers (>= 4.5)
    Microsoft.NET.StringTools (1.0)
      System.Memory (>= 4.5.4)
      System.Runtime.CompilerServices.Unsafe (>= 5.0)
    Microsoft.NET.Test.Sdk (17.1)
      Microsoft.CodeCoverage (>= 17.1)
      Microsoft.TestPlatform.TestHost (>= 17.1) - restriction: || (&& (== net472) (>= netcoreapp1.0)) (== net6.0)
    Microsoft.NETCore.Platforms (6.0.4) - restriction: || (&& (== net472) (< net45)) (&& (== net472) (< net452)) (&& (== net472) (>= net5.0)) (&& (== net472) (>= netcoreapp2.0)) (&& (== net472) (< netstandard1.0)) (&& (== net472) (< netstandard1.3) (>= wpa81)) (&& (== net472) (< netstandard1.5) (>= uap10.0)) (&& (== net472) (< portable-net45+win8+wpa81)) (&& (== net472) (>= uap10.1)) (&& (== net472) (>= wp8)) (== net6.0)
    Microsoft.NETCore.Targets (5.0) - restriction: || (&& (== net472) (>= net5.0)) (== net6.0)
    Microsoft.OpenApi (1.3.2)
    Microsoft.TestPlatform.ObjectModel (17.2) - restriction: || (&& (== net472) (>= netcoreapp1.0)) (== net6.0)
      NuGet.Frameworks (>= 5.11)
      System.Reflection.Metadata (>= 1.6)
    Microsoft.TestPlatform.TestHost (17.2) - restriction: || (&& (== net472) (>= netcoreapp1.0)) (== net6.0)
      Microsoft.TestPlatform.ObjectModel (>= 17.2) - restriction: || (&& (== net472) (>= netcoreapp1.0)) (&& (== net472) (>= uap10.0)) (== net6.0)
      Newtonsoft.Json (>= 9.0.1) - restriction: || (&& (== net472) (>= netcoreapp1.0)) (&& (== net472) (>= uap10.0)) (== net6.0)
    Microsoft.Win32.Registry (5.0) - restriction: || (&& (== net472) (< net45)) (== net6.0)
      System.Security.AccessControl (>= 5.0)
      System.Security.Principal.Windows (>= 5.0)
    Microsoft.Win32.SystemEvents (6.0.1) - restriction: || (&& (== net472) (>= netcoreapp3.1)) (== net6.0)
    Mono.Posix.NETStandard (1.0)
    Moq (4.17.2)
      Castle.Core (>= 4.4.1)
      System.Threading.Tasks.Extensions (>= 4.5.4)
    MSBuild.StructuredLogger (2.1.669)
      Microsoft.Build (>= 16.10)
      Microsoft.Build.Framework (>= 16.10)
      Microsoft.Build.Tasks.Core (>= 16.10)
      Microsoft.Build.Utilities.Core (>= 16.10)
    NETStandard.Library (2.0.3) - restriction: || (&& (== net472) (< net452)) (== net6.0)
      Microsoft.NETCore.Platforms (>= 1.1)
    Newtonsoft.Json (13.0.1)
    Npgsql (6.0.5)
      Microsoft.Bcl.AsyncInterfaces (>= 6.0) - restriction: || (== net472) (&& (== net6.0) (< netstandard2.1))
      Microsoft.Bcl.HashCode (>= 1.1.1) - restriction: || (== net472) (&& (== net6.0) (< netstandard2.1))
      System.Collections.Immutable (>= 6.0) - restriction: || (== net472) (&& (== net6.0) (< netcoreapp3.1)) (&& (== net6.0) (< netstandard2.1))
      System.Diagnostics.DiagnosticSource (>= 6.0) - restriction: || (== net472) (&& (== net6.0) (< net5.0)) (&& (== net6.0) (< netcoreapp3.1)) (&& (== net6.0) (< netstandard2.1))
      System.Memory (>= 4.5.4) - restriction: || (== net472) (&& (== net6.0) (< netstandard2.1))
      System.Runtime.CompilerServices.Unsafe (>= 6.0)
      System.Text.Json (>= 6.0) - restriction: || (== net472) (&& (== net6.0) (< netcoreapp3.1)) (&& (== net6.0) (< netstandard2.1))
      System.Threading.Channels (>= 6.0) - restriction: || (== net472) (&& (== net6.0) (< netcoreapp3.1)) (&& (== net6.0) (< netstandard2.1))
      System.Threading.Tasks.Extensions (>= 4.5.4) - restriction: || (== net472) (&& (== net6.0) (< netstandard2.1))
      System.ValueTuple (>= 4.5) - restriction: || (== net472) (&& (== net6.0) (< netstandard2.1))
    Npgsql.Json.NET (6.0.5) - restriction: || (&& (== net472) (>= net5.0)) (== net6.0)
      Newtonsoft.Json (>= 13.0.1)
      Npgsql (>= 6.0.5)
    NuGet.Common (6.2.1)
      NuGet.Frameworks (>= 6.2.1)
    NuGet.Configuration (6.2.1)
      NuGet.Common (>= 6.2.1)
      System.Security.Cryptography.ProtectedData (>= 4.4) - restriction: || (&& (== net472) (< net45)) (== net6.0)
    NuGet.Frameworks (6.2.1)
    NuGet.Packaging (6.2.1)
      Newtonsoft.Json (>= 13.0.1)
      NuGet.Configuration (>= 6.2.1)
      NuGet.Versioning (>= 6.2.1)
      System.Security.Cryptography.Cng (>= 5.0) - restriction: || (&& (== net472) (>= net5.0)) (== net6.0)
      System.Security.Cryptography.Pkcs (>= 5.0) - restriction: || (&& (== net472) (>= net5.0)) (== net6.0)
    NuGet.Protocol (6.2.1)
      NuGet.Packaging (>= 6.2.1)
    NuGet.Versioning (6.2.1)
    Remotion.Linq (2.2) - restriction: || (&& (== net472) (>= net5.0)) (== net6.0)
      System.Collections (>= 4.0.11) - restriction: || (&& (== net472) (< net35)) (== net6.0)
      System.Diagnostics.Debug (>= 4.0.11) - restriction: || (&& (== net472) (< net35)) (== net6.0)
      System.Linq (>= 4.1) - restriction: || (&& (== net472) (< net35)) (== net6.0)
      System.Linq.Expressions (>= 4.1) - restriction: || (&& (== net472) (< net35)) (== net6.0)
      System.Linq.Queryable (>= 4.0.1) - restriction: || (&& (== net472) (< net35)) (== net6.0)
      System.ObjectModel (>= 4.0.12) - restriction: || (&& (== net472) (< net35)) (== net6.0)
      System.Reflection (>= 4.1) - restriction: || (&& (== net472) (< net35)) (== net6.0)
      System.Reflection.Extensions (>= 4.0.1) - restriction: || (&& (== net472) (< net35)) (== net6.0)
      System.Runtime (>= 4.1) - restriction: || (&& (== net472) (< net35)) (== net6.0)
      System.Runtime.Extensions (>= 4.1) - restriction: || (&& (== net472) (< net35)) (== net6.0)
      System.Threading (>= 4.0.11) - restriction: || (&& (== net472) (< net35)) (== net6.0)
    SharpCompress (0.32.1)
      System.Memory (>= 4.5.4) - restriction: || (== net472) (&& (== net6.0) (>= net461)) (&& (== net6.0) (< netstandard2.1))
      System.Text.Encoding.CodePages (>= 6.0) - restriction: || (== net472) (&& (== net6.0) (>= net461)) (&& (== net6.0) (< netcoreapp3.1)) (&& (== net6.0) (< netstandard2.1))
    SourceLink.Copy.PdbFiles (2.8.3) - copy_local: true
    SourceLink.Embed.AllSourceFiles (2.8.3) - copy_local: true
    SwashBuckle.AspNetCore.Swagger (6.3.1)
      Microsoft.AspNetCore.Routing (>= 2.1) - restriction: || (== net472) (&& (== net6.0) (< netcoreapp3.0))
      Microsoft.OpenApi (>= 1.2.3)
    SwashBuckle.AspNetCore.SwaggerGen (6.3.1)
      Microsoft.AspNetCore.Mvc.ApiExplorer (>= 2.1) - restriction: || (== net472) (&& (== net6.0) (< netcoreapp3.0))
      Microsoft.AspNetCore.Mvc.DataAnnotations (>= 2.1) - restriction: || (== net472) (&& (== net6.0) (< netcoreapp3.0))
      SwashBuckle.AspNetCore.Swagger (>= 6.3.1)
      System.Text.Json (>= 4.6) - restriction: || (== net472) (&& (== net6.0) (< netcoreapp3.0))
    SwashBuckle.AspNetCore.SwaggerUI (6.3.1)
      Microsoft.AspNetCore.Routing (>= 2.1) - restriction: || (== net472) (&& (== net6.0) (< netcoreapp3.0))
      Microsoft.AspNetCore.StaticFiles (>= 2.1) - restriction: || (== net472) (&& (== net6.0) (< netcoreapp3.0))
      Microsoft.Extensions.FileProviders.Embedded (>= 2.1) - restriction: || (== net472) (&& (== net6.0) (< netcoreapp3.0))
      System.Text.Json (>= 4.6) - restriction: || (== net472) (&& (== net6.0) (< netcoreapp3.0))
    System.Buffers (4.5.1)
    System.CodeDom (6.0) - restriction: || (&& (== net472) (>= net6.0)) (== net6.0)
    System.Collections (4.3) - restriction: || (&& (== net472) (>= net5.0)) (== net6.0)
      Microsoft.NETCore.Platforms (>= 1.1) - restriction: || (&& (== net472) (< net45)) (== net6.0)
      Microsoft.NETCore.Targets (>= 1.1) - restriction: || (&& (== net472) (< net45)) (== net6.0)
      System.Runtime (>= 4.3) - restriction: || (&& (== net472) (< net45)) (== net6.0)
    System.Collections.Immutable (6.0)
      System.Memory (>= 4.5.4) - restriction: || (== net472) (&& (== net6.0) (>= net461))
      System.Runtime.CompilerServices.Unsafe (>= 6.0)
    System.ComponentModel.Annotations (5.0) - restriction: || (== net472) (&& (== net6.0) (< netcoreapp3.0))
    System.Composition (6.0) - restriction: || (&& (== net472) (>= net5.0)) (== net6.0)
      System.Composition.AttributedModel (>= 6.0)
      System.Composition.Convention (>= 6.0)
      System.Composition.Hosting (>= 6.0)
      System.Composition.Runtime (>= 6.0)
      System.Composition.TypedParts (>= 6.0)
    System.Composition.AttributedModel (6.0) - restriction: || (&& (== net472) (>= net5.0)) (== net6.0)
    System.Composition.Convention (6.0) - restriction: || (&& (== net472) (>= net5.0)) (== net6.0)
      System.Composition.AttributedModel (>= 6.0)
    System.Composition.Hosting (6.0) - restriction: || (&& (== net472) (>= net5.0)) (== net6.0)
      System.Composition.Runtime (>= 6.0)
    System.Composition.Runtime (6.0) - restriction: || (&& (== net472) (>= net5.0)) (== net6.0)
    System.Composition.TypedParts (6.0) - restriction: || (&& (== net472) (>= net5.0)) (== net6.0)
      System.Composition.AttributedModel (>= 6.0)
      System.Composition.Hosting (>= 6.0)
      System.Composition.Runtime (>= 6.0)
    System.Configuration.ConfigurationManager (6.0)
      System.Security.Cryptography.ProtectedData (>= 6.0) - restriction: || (&& (== net472) (< net461)) (&& (== net472) (>= net6.0)) (== net6.0)
      System.Security.Permissions (>= 6.0)
    System.Diagnostics.Debug (4.3) - restriction: || (&& (== net472) (>= net5.0)) (== net6.0)
      Microsoft.NETCore.Platforms (>= 1.1) - restriction: || (&& (== net472) (< net45)) (== net6.0)
      Microsoft.NETCore.Targets (>= 1.1) - restriction: || (&& (== net472) (< net45)) (== net6.0)
      System.Runtime (>= 4.3) - restriction: || (&& (== net472) (< net45)) (== net6.0)
    System.Diagnostics.DiagnosticSource (6.0)
      System.Memory (>= 4.5.4) - restriction: || (== net472) (&& (== net6.0) (>= net461)) (&& (== net6.0) (< net5.0))
      System.Runtime.CompilerServices.Unsafe (>= 6.0)
    System.Diagnostics.EventLog (6.0) - restriction: || (&& (== net472) (>= net6.0)) (== net6.0)
    System.Drawing.Common (6.0) - restriction: || (&& (== net472) (>= netcoreapp3.1)) (== net6.0)
      Microsoft.Win32.SystemEvents (>= 6.0) - restriction: || (&& (== net472) (>= netcoreapp3.1)) (== net6.0)
    System.Dynamic.Runtime (4.3) - restriction: || (&& (== net472) (>= net5.0)) (== net6.0)
      System.Collections (>= 4.3) - restriction: || (&& (== net472) (< net45)) (== net6.0)
      System.Diagnostics.Debug (>= 4.3) - restriction: || (&& (== net472) (< net45)) (== net6.0)
      System.Linq (>= 4.3) - restriction: || (&& (== net472) (< net45)) (== net6.0)
      System.Linq.Expressions (>= 4.3) - restriction: || (&& (== net472) (< net45)) (== net6.0)
      System.ObjectModel (>= 4.3) - restriction: || (&& (== net472) (< net45)) (== net6.0)
      System.Reflection (>= 4.3) - restriction: || (&& (== net472) (< net45)) (== net6.0)
      System.Reflection.Emit (>= 4.3) - restriction: || (&& (== net472) (< net45)) (== net6.0)
      System.Reflection.Emit.ILGeneration (>= 4.3) - restriction: || (&& (== net472) (< net45)) (== net6.0)
      System.Reflection.Primitives (>= 4.3) - restriction: || (&& (== net472) (< net45)) (== net6.0)
      System.Reflection.TypeExtensions (>= 4.3) - restriction: || (&& (== net472) (< net45)) (== net6.0)
      System.Resources.ResourceManager (>= 4.3) - restriction: || (&& (== net472) (< net45)) (== net6.0)
      System.Runtime (>= 4.3) - restriction: || (&& (== net472) (< net45)) (== net6.0)
      System.Runtime.Extensions (>= 4.3) - restriction: || (&& (== net472) (< net45)) (== net6.0)
      System.Threading (>= 4.3) - restriction: || (&& (== net472) (< net45)) (== net6.0)
    System.Formats.Asn1 (6.0) - restriction: || (&& (== net472) (>= net5.0)) (== net6.0)
    System.Globalization (4.3) - restriction: || (&& (== net472) (>= net5.0)) (== net6.0)
      Microsoft.NETCore.Platforms (>= 1.1) - restriction: || (&& (== net472) (< net45)) (== net6.0)
      Microsoft.NETCore.Targets (>= 1.1) - restriction: || (&& (== net472) (< net45)) (== net6.0)
      System.Runtime (>= 4.3) - restriction: || (&& (== net472) (< net45)) (== net6.0)
    System.IdentityModel.Tokens.Jwt (6.21) - restriction: || (&& (== net472) (>= net6.0)) (== net6.0)
      Microsoft.IdentityModel.JsonWebTokens (>= 6.21)
      Microsoft.IdentityModel.Tokens (>= 6.21)
    System.IO (4.3)
      Microsoft.NETCore.Platforms (>= 1.1) - restriction: || (&& (== net472) (< net45)) (== net6.0)
      Microsoft.NETCore.Targets (>= 1.1) - restriction: || (&& (== net472) (< net45)) (== net6.0)
      System.Runtime (>= 4.3) - restriction: || (&& (== net472) (< net45)) (== net6.0)
      System.Text.Encoding (>= 4.3) - restriction: || (&& (== net472) (< net45)) (== net6.0)
      System.Threading.Tasks (>= 4.3) - restriction: || (&& (== net472) (< net45)) (== net6.0)
    System.IO.Pipelines (6.0.3)
    System.Linq (4.3) - restriction: || (&& (== net472) (>= net5.0)) (== net6.0)
      System.Collections (>= 4.3) - restriction: || (&& (== net472) (< net45)) (== net6.0)
      System.Diagnostics.Debug (>= 4.3) - restriction: || (&& (== net472) (< net45)) (== net6.0)
      System.Resources.ResourceManager (>= 4.3) - restriction: || (&& (== net472) (< net45)) (== net6.0)
      System.Runtime (>= 4.3) - restriction: || (&& (== net472) (< net45)) (== net6.0)
      System.Runtime.Extensions (>= 4.3) - restriction: || (&& (== net472) (< net45)) (== net6.0)
    System.Linq.Expressions (4.3) - restriction: || (&& (== net472) (>= net5.0)) (== net6.0)
      System.Collections (>= 4.3) - restriction: || (&& (== net472) (< net45)) (== net6.0)
      System.Diagnostics.Debug (>= 4.3) - restriction: || (&& (== net472) (< net45)) (== net6.0)
      System.Globalization (>= 4.3) - restriction: || (&& (== net472) (< net45)) (== net6.0)
      System.IO (>= 4.3) - restriction: || (&& (== net472) (< net45)) (== net6.0)
      System.Linq (>= 4.3) - restriction: || (&& (== net472) (< net45)) (== net6.0)
      System.ObjectModel (>= 4.3) - restriction: || (&& (== net472) (< net45)) (== net6.0)
      System.Reflection (>= 4.3) - restriction: || (&& (== net472) (< net45)) (== net6.0)
      System.Reflection.Emit (>= 4.3) - restriction: || (&& (== net472) (< net45)) (== net6.0)
      System.Reflection.Emit.ILGeneration (>= 4.3) - restriction: || (&& (== net472) (< net45)) (== net6.0)
      System.Reflection.Emit.Lightweight (>= 4.3) - restriction: || (&& (== net472) (< net45)) (== net6.0)
      System.Reflection.Extensions (>= 4.3) - restriction: || (&& (== net472) (< net45)) (== net6.0)
      System.Reflection.Primitives (>= 4.3) - restriction: || (&& (== net472) (< net45)) (== net6.0)
      System.Reflection.TypeExtensions (>= 4.3) - restriction: || (&& (== net472) (< net45)) (== net6.0)
      System.Resources.ResourceManager (>= 4.3) - restriction: || (&& (== net472) (< net45)) (== net6.0)
      System.Runtime (>= 4.3) - restriction: || (&& (== net472) (< net45)) (== net6.0)
      System.Runtime.Extensions (>= 4.3) - restriction: || (&& (== net472) (< net45)) (== net6.0)
      System.Threading (>= 4.3) - restriction: || (&& (== net472) (< net45)) (== net6.0)
    System.Linq.Queryable (4.3) - restriction: || (&& (== net472) (>= net5.0)) (== net6.0)
      System.Collections (>= 4.3) - restriction: || (&& (== net472) (< net45)) (== net6.0)
      System.Diagnostics.Debug (>= 4.3) - restriction: || (&& (== net472) (< net45)) (== net6.0)
      System.Linq (>= 4.3) - restriction: || (&& (== net472) (< net45)) (== net6.0)
      System.Linq.Expressions (>= 4.3) - restriction: || (&& (== net472) (< net45)) (== net6.0)
      System.Reflection (>= 4.3) - restriction: || (&& (== net472) (< net45)) (== net6.0)
      System.Reflection.Extensions (>= 4.3) - restriction: || (&& (== net472) (< net45)) (== net6.0)
      System.Resources.ResourceManager (>= 4.3) - restriction: || (&& (== net472) (< net45)) (== net6.0)
      System.Runtime (>= 4.3) - restriction: || (&& (== net472) (< net45)) (== net6.0)
    System.Memory (4.5.5)
    System.Net.Http (4.3.4) - restriction: || (== net472) (&& (== net6.0) (>= net47))
      System.Security.Cryptography.X509Certificates (>= 4.3)
    System.ObjectModel (4.3) - restriction: || (&& (== net472) (>= net5.0)) (== net6.0)
      System.Collections (>= 4.3) - restriction: || (&& (== net472) (< net45)) (== net6.0)
      System.Diagnostics.Debug (>= 4.3) - restriction: || (&& (== net472) (< net45)) (== net6.0)
      System.Resources.ResourceManager (>= 4.3) - restriction: || (&& (== net472) (< net45)) (== net6.0)
      System.Runtime (>= 4.3) - restriction: || (&& (== net472) (< net45)) (== net6.0)
      System.Threading (>= 4.3) - restriction: || (&& (== net472) (< net45)) (== net6.0)
    System.Reactive (5.0)
      System.Threading.Tasks.Extensions (>= 4.5.4) - restriction: || (== net472) (&& (== net6.0) (>= net472)) (&& (== net6.0) (< netcoreapp3.1)) (&& (== net6.0) (>= uap10.1))
    System.Reflection (4.3) - restriction: || (&& (== net472) (>= net5.0)) (== net6.0)
      Microsoft.NETCore.Platforms (>= 1.1) - restriction: || (&& (== net472) (< net45)) (== net6.0)
      Microsoft.NETCore.Targets (>= 1.1) - restriction: || (&& (== net472) (< net45)) (== net6.0)
      System.IO (>= 4.3) - restriction: || (&& (== net472) (< net45)) (== net6.0)
      System.Reflection.Primitives (>= 4.3) - restriction: || (&& (== net472) (< net45)) (== net6.0)
      System.Runtime (>= 4.3) - restriction: || (&& (== net472) (< net45)) (== net6.0)
    System.Reflection.Emit (4.7) - restriction: || (&& (== net472) (>= net5.0)) (== net6.0)
    System.Reflection.Emit.ILGeneration (4.7) - restriction: || (&& (== net472) (>= net5.0)) (== net6.0)
    System.Reflection.Emit.Lightweight (4.7) - restriction: || (&& (== net472) (>= net5.0)) (== net6.0)
    System.Reflection.Extensions (4.3) - restriction: || (&& (== net472) (>= net5.0)) (== net6.0)
      Microsoft.NETCore.Platforms (>= 1.1) - restriction: || (&& (== net472) (< net45)) (== net6.0)
      Microsoft.NETCore.Targets (>= 1.1) - restriction: || (&& (== net472) (< net45)) (== net6.0)
      System.Reflection (>= 4.3) - restriction: || (&& (== net472) (< net45)) (== net6.0)
      System.Runtime (>= 4.3) - restriction: || (&& (== net472) (< net45)) (== net6.0)
    System.Reflection.Metadata (6.0.1) - restriction: || (&& (== net472) (>= net5.0)) (&& (== net472) (>= netcoreapp1.0)) (&& (== net472) (>= netcoreapp2.1)) (== net6.0)
      System.Collections.Immutable (>= 6.0)
    System.Reflection.Primitives (4.3) - restriction: || (&& (== net472) (>= net5.0)) (== net6.0)
      Microsoft.NETCore.Platforms (>= 1.1) - restriction: || (&& (== net472) (< net45)) (== net6.0)
      Microsoft.NETCore.Targets (>= 1.1) - restriction: || (&& (== net472) (< net45)) (== net6.0)
      System.Runtime (>= 4.3) - restriction: || (&& (== net472) (< net45)) (== net6.0)
    System.Reflection.TypeExtensions (4.7) - restriction: || (&& (== net472) (>= net5.0)) (== net6.0)
    System.Resources.Extensions (6.0)
      System.Memory (>= 4.5.4) - restriction: || (== net472) (&& (== net6.0) (>= net461))
    System.Resources.ResourceManager (4.3) - restriction: || (&& (== net472) (>= net5.0)) (== net6.0)
      Microsoft.NETCore.Platforms (>= 1.1) - restriction: || (&& (== net472) (< net45)) (== net6.0)
      Microsoft.NETCore.Targets (>= 1.1) - restriction: || (&& (== net472) (< net45)) (== net6.0)
      System.Globalization (>= 4.3) - restriction: || (&& (== net472) (< net45)) (== net6.0)
      System.Reflection (>= 4.3) - restriction: || (&& (== net472) (< net45)) (== net6.0)
      System.Runtime (>= 4.3) - restriction: || (&& (== net472) (< net45)) (== net6.0)
    System.Runtime (4.3.1)
      Microsoft.NETCore.Platforms (>= 1.1.1) - restriction: || (&& (== net472) (< net45)) (== net6.0)
      Microsoft.NETCore.Targets (>= 1.1.3) - restriction: || (&& (== net472) (< net45)) (== net6.0)
    System.Runtime.CompilerServices.Unsafe (6.0)
    System.Runtime.Extensions (4.3.1) - restriction: || (&& (== net472) (>= net5.0)) (== net6.0)
      Microsoft.NETCore.Platforms (>= 1.1.1) - restriction: || (&& (== net472) (< net45)) (== net6.0)
      Microsoft.NETCore.Targets (>= 1.1.3) - restriction: || (&& (== net472) (< net45)) (== net6.0)
      System.Runtime (>= 4.3.1) - restriction: || (&& (== net472) (< net45)) (== net6.0)
    System.Runtime.InteropServices.RuntimeInformation (4.3) - restriction: || (== net472) (&& (== net6.0) (>= net461))
    System.Runtime.Loader (4.3) - restriction: || (&& (== net472) (>= net5.0)) (== net6.0)
      System.IO (>= 4.3) - restriction: || (&& (== net472) (< net462)) (== net6.0)
      System.Reflection (>= 4.3) - restriction: || (&& (== net472) (< net462)) (== net6.0)
      System.Runtime (>= 4.3) - restriction: || (&& (== net472) (< net462)) (== net6.0)
    System.Security.AccessControl (6.0) - restriction: || (&& (== net472) (>= netcoreapp2.1)) (&& (== net472) (>= netcoreapp3.0)) (== net6.0)
    System.Security.Cryptography.Algorithms (4.3.1) - restriction: || (== net472) (&& (== net6.0) (>= net47))
      System.IO (>= 4.3)
      System.Runtime (>= 4.3)
      System.Security.Cryptography.Encoding (>= 4.3)
      System.Security.Cryptography.Primitives (>= 4.3)
    System.Security.Cryptography.Cng (5.0) - restriction: || (&& (== net472) (>= net5.0)) (== net6.0)
      System.Formats.Asn1 (>= 5.0) - restriction: || (&& (== net472) (>= netcoreapp3.0)) (== net6.0)
    System.Security.Cryptography.Encoding (4.3) - restriction: || (== net472) (&& (== net6.0) (>= net47))
    System.Security.Cryptography.Pkcs (6.0.1) - restriction: || (&& (== net472) (>= net5.0)) (&& (== net472) (>= net6.0)) (== net6.0)
      System.Formats.Asn1 (>= 6.0) - restriction: || (&& (== net472) (< net461)) (&& (== net472) (>= netstandard2.1)) (== net6.0)
    System.Security.Cryptography.Primitives (4.3) - restriction: || (== net472) (&& (== net6.0) (>= net47))
    System.Security.Cryptography.ProtectedData (6.0) - restriction: || (&& (== net472) (>= net6.0)) (&& (== net472) (>= netcoreapp2.1)) (&& (== net472) (>= netcoreapp3.0)) (== net6.0)
    System.Security.Cryptography.X509Certificates (4.3.2) - restriction: || (== net472) (&& (== net6.0) (>= net47))
      System.Security.Cryptography.Algorithms (>= 4.3)
      System.Security.Cryptography.Encoding (>= 4.3)
    System.Security.Cryptography.Xml (6.0) - restriction: || (&& (== net472) (>= net6.0)) (== net6.0)
      System.Security.AccessControl (>= 6.0)
      System.Security.Cryptography.Pkcs (>= 6.0) - restriction: || (&& (== net472) (< net461)) (&& (== net472) (>= net6.0)) (== net6.0)
    System.Security.Permissions (6.0) - restriction: || (&& (== net472) (>= netcoreapp2.1)) (&& (== net472) (>= netcoreapp3.0)) (== net6.0)
      System.Security.AccessControl (>= 6.0)
      System.Windows.Extensions (>= 6.0) - restriction: || (&& (== net472) (>= netcoreapp3.1)) (== net6.0)
    System.Security.Principal.Windows (5.0) - restriction: || (&& (== net472) (>= monoandroid) (< netstandard1.3)) (&& (== net472) (>= monotouch)) (&& (== net472) (< net45)) (&& (== net472) (>= netcoreapp2.0)) (&& (== net472) (>= netcoreapp2.1)) (&& (== net472) (>= uap10.1)) (&& (== net472) (>= xamarinios)) (&& (== net472) (>= xamarinmac)) (&& (== net472) (>= xamarintvos)) (&& (== net472) (>= xamarinwatchos)) (== net6.0)
    System.Text.Encoding (4.3) - restriction: || (&& (== net472) (>= net5.0)) (== net6.0)
      Microsoft.NETCore.Platforms (>= 1.1) - restriction: || (&& (== net472) (< net45)) (== net6.0)
      Microsoft.NETCore.Targets (>= 1.1) - restriction: || (&& (== net472) (< net45)) (== net6.0)
      System.Runtime (>= 4.3) - restriction: || (&& (== net472) (< net45)) (== net6.0)
    System.Text.Encoding.CodePages (6.0)
      System.Memory (>= 4.5.4) - restriction: || (== net472) (&& (== net6.0) (>= net461)) (&& (== net6.0) (< netcoreapp3.1))
      System.Runtime.CompilerServices.Unsafe (>= 6.0)
    System.Text.Encodings.Web (6.0)
      System.Runtime.CompilerServices.Unsafe (>= 6.0)
    System.Text.Json (6.0.5)
      System.Runtime.CompilerServices.Unsafe (>= 6.0)
      System.Text.Encodings.Web (>= 6.0)
    System.Threading (4.3) - restriction: || (&& (== net472) (>= net5.0)) (== net6.0)
      System.Runtime (>= 4.3) - restriction: || (&& (== net472) (< net45)) (== net6.0)
      System.Threading.Tasks (>= 4.3) - restriction: || (&& (== net472) (< net45)) (== net6.0)
    System.Threading.Channels (6.0) - restriction: || (== net472) (&& (== net6.0) (< netcoreapp3.1)) (&& (== net6.0) (< netstandard2.1))
      System.Threading.Tasks.Extensions (>= 4.5.4) - restriction: || (== net472) (&& (== net6.0) (>= net461)) (&& (== net6.0) (< netstandard2.1))
    System.Threading.Tasks (4.3) - restriction: || (&& (== net472) (>= net5.0)) (== net6.0)
      Microsoft.NETCore.Platforms (>= 1.1) - restriction: || (&& (== net472) (< net45)) (== net6.0)
      Microsoft.NETCore.Targets (>= 1.1) - restriction: || (&& (== net472) (< net45)) (== net6.0)
      System.Runtime (>= 4.3) - restriction: || (&& (== net472) (< net45)) (== net6.0)
    System.Threading.Tasks.Dataflow (6.0)
    System.Threading.Tasks.Extensions (4.5.4)
      System.Runtime.CompilerServices.Unsafe (>= 4.5.3) - restriction: || (== net472) (&& (== net6.0) (>= net461)) (&& (== net6.0) (< netcoreapp2.1)) (&& (== net6.0) (< netstandard1.0)) (&& (== net6.0) (< netstandard2.0)) (&& (== net6.0) (>= wp8))
    System.ValueTuple (4.5)
    System.Windows.Extensions (6.0) - restriction: || (&& (== net472) (>= netcoreapp3.1)) (== net6.0)
      System.Drawing.Common (>= 6.0) - restriction: || (&& (== net472) (>= netcoreapp3.1)) (== net6.0)
    Weasel.Core (5.5.1) - restriction: || (&& (== net472) (>= net5.0)) (== net6.0)
      Baseline (>= 3.2.2)
    Weasel.Postgresql (5.5.1) - restriction: || (&& (== net472) (>= net5.0)) (== net6.0)
      Npgsql (>= 6.0.1 < 7.0)
      Weasel.Core (>= 5.5.1)
    xunit (2.4.1)
      xunit.analyzers (>= 0.10)
      xunit.assert (2.4.1)
      xunit.core (2.4.1)
    xunit.abstractions (2.0.3)
    xunit.analyzers (0.10)
    xunit.assert (2.4.1)
      NETStandard.Library (>= 1.6.1) - restriction: || (&& (== net472) (< net452)) (== net6.0)
    xunit.categories (2.0.6)
      xunit (>= 2.4.1)
    xunit.core (2.4.1)
      xunit.extensibility.core (2.4.1)
      xunit.extensibility.execution (2.4.1)
    xunit.extensibility.core (2.4.1)
      NETStandard.Library (>= 1.6.1) - restriction: || (&& (== net472) (< net452)) (== net6.0)
      xunit.abstractions (>= 2.0.3)
    xunit.extensibility.execution (2.4.1)
      NETStandard.Library (>= 1.6.1) - restriction: || (&& (== net472) (< net452)) (== net6.0)
      xunit.extensibility.core (2.4.1)
    xunit.runner.visualstudio (2.4.3)
