RESTRICTION: || (== net472) (== net6.0)
NUGET
  remote: https://api.nuget.org/v3/index.json
    FluentAssertions (6.5.1)
      System.Configuration.ConfigurationManager (>= 4.4) - restriction: || (&& (== net472) (>= netcoreapp2.1)) (&& (== net472) (>= netcoreapp3.0)) (== net6.0)
      System.Net.Http (>= 4.3.4) - restriction: || (== net472) (&& (== net6.0) (>= net47))
      System.Threading.Tasks.Extensions (>= 4.5) - restriction: || (== net472) (&& (== net6.0) (>= net47)) (&& (== net6.0) (< netcoreapp2.1) (< netstandard2.1))
    Microsoft.CodeCoverage (17.2)
    Microsoft.NET.Test.Sdk (17.1)
      Microsoft.CodeCoverage (>= 17.1)
      Microsoft.TestPlatform.TestHost (>= 17.1) - restriction: || (&& (== net472) (>= netcoreapp1.0)) (== net6.0)
    Microsoft.NETCore.Platforms (6.0.4) - restriction: || (&& (== net472) (< net45)) (&& (== net472) (< net452)) (&& (== net472) (>= netcoreapp2.0)) (&& (== net472) (< netstandard1.0)) (&& (== net472) (< netstandard1.3) (>= wpa81)) (&& (== net472) (< netstandard1.5) (>= uap10.0)) (&& (== net472) (< portable-net45+win8+wpa81)) (&& (== net472) (>= uap10.1)) (&& (== net472) (>= wp8)) (== net6.0)
    Microsoft.TestPlatform.ObjectModel (17.2) - restriction: || (&& (== net472) (>= netcoreapp1.0)) (== net6.0)
      NuGet.Frameworks (>= 5.11)
      System.Reflection.Metadata (>= 1.6)
    Microsoft.TestPlatform.TestHost (17.2) - restriction: || (&& (== net472) (>= netcoreapp1.0)) (== net6.0)
      Microsoft.TestPlatform.ObjectModel (>= 17.2) - restriction: || (&& (== net472) (>= netcoreapp1.0)) (&& (== net472) (>= uap10.0)) (== net6.0)
      Newtonsoft.Json (>= 9.0.1) - restriction: || (&& (== net472) (>= netcoreapp1.0)) (&& (== net472) (>= uap10.0)) (== net6.0)
    Microsoft.Win32.SystemEvents (6.0.1) - restriction: || (&& (== net472) (>= netcoreapp3.1)) (== net6.0)
    NETStandard.Library (2.0.3) - restriction: || (&& (== net472) (< net452)) (== net6.0)
      Microsoft.NETCore.Platforms (>= 1.1)
    Newtonsoft.Json (13.0.1) - restriction: || (&& (== net472) (>= netcoreapp1.0)) (== net6.0)
    NuGet.Frameworks (6.2.1) - restriction: || (&& (== net472) (>= netcoreapp1.0)) (&& (== net472) (>= netcoreapp2.1)) (== net6.0)
    SourceLink.Copy.PdbFiles (2.8.3) - copy_local: true
    SourceLink.Embed.AllSourceFiles (2.8.3) - copy_local: true
    System.Collections.Immutable (6.0) - restriction: || (&& (== net472) (>= netcoreapp1.0)) (&& (== net472) (>= netcoreapp2.1)) (== net6.0)
      System.Runtime.CompilerServices.Unsafe (>= 6.0)
    System.Configuration.ConfigurationManager (6.0) - restriction: || (&& (== net472) (>= netcoreapp2.1)) (&& (== net472) (>= netcoreapp3.0)) (== net6.0)
      System.Security.Cryptography.ProtectedData (>= 6.0) - restriction: || (&& (== net472) (< net461)) (&& (== net472) (>= net6.0)) (== net6.0)
      System.Security.Permissions (>= 6.0)
    System.Drawing.Common (6.0) - restriction: || (&& (== net472) (>= netcoreapp3.1)) (== net6.0)
      Microsoft.Win32.SystemEvents (>= 6.0) - restriction: || (&& (== net472) (>= netcoreapp3.1)) (== net6.0)
    System.IO (4.3) - restriction: || (== net472) (&& (== net6.0) (>= net47))
    System.Net.Http (4.3.4) - restriction: || (== net472) (&& (== net6.0) (>= net47))
      System.Security.Cryptography.X509Certificates (>= 4.3)
    System.Reflection.Metadata (6.0.1) - restriction: || (&& (== net472) (>= netcoreapp1.0)) (&& (== net472) (>= netcoreapp2.1)) (== net6.0)
      System.Collections.Immutable (>= 6.0)
    System.Runtime (4.3.1) - restriction: || (== net472) (&& (== net6.0) (>= net47))
    System.Runtime.CompilerServices.Unsafe (6.0)
    System.Security.AccessControl (6.0) - restriction: || (&& (== net472) (>= netcoreapp2.1)) (&& (== net472) (>= netcoreapp3.0)) (== net6.0)
    System.Security.Cryptography.Algorithms (4.3.1) - restriction: || (== net472) (&& (== net6.0) (>= net47))
      System.IO (>= 4.3)
      System.Runtime (>= 4.3)
      System.Security.Cryptography.Encoding (>= 4.3)
      System.Security.Cryptography.Primitives (>= 4.3)
    System.Security.Cryptography.Encoding (4.3) - restriction: || (== net472) (&& (== net6.0) (>= net47))
    System.Security.Cryptography.Primitives (4.3) - restriction: || (== net472) (&& (== net6.0) (>= net47))
    System.Security.Cryptography.ProtectedData (6.0) - restriction: || (&& (== net472) (>= net6.0)) (&& (== net472) (>= netcoreapp2.1)) (&& (== net472) (>= netcoreapp3.0)) (== net6.0)
    System.Security.Cryptography.X509Certificates (4.3.2) - restriction: || (== net472) (&& (== net6.0) (>= net47))
      System.Security.Cryptography.Algorithms (>= 4.3)
      System.Security.Cryptography.Encoding (>= 4.3)
    System.Security.Permissions (6.0) - restriction: || (&& (== net472) (>= netcoreapp2.1)) (&& (== net472) (>= netcoreapp3.0)) (== net6.0)
      System.Security.AccessControl (>= 6.0)
      System.Windows.Extensions (>= 6.0) - restriction: || (&& (== net472) (>= netcoreapp3.1)) (== net6.0)
    System.Threading.Tasks.Extensions (4.5.4) - restriction: || (== net472) (&& (== net6.0) (>= net47)) (&& (== net6.0) (< netcoreapp2.1) (< netstandard2.1))
      System.Runtime.CompilerServices.Unsafe (>= 4.5.3) - restriction: || (== net472) (&& (== net6.0) (>= net461)) (&& (== net6.0) (< netcoreapp2.1)) (&& (== net6.0) (< netstandard1.0)) (&& (== net6.0) (< netstandard2.0)) (&& (== net6.0) (>= wp8))
    System.Windows.Extensions (6.0) - restriction: || (&& (== net472) (>= netcoreapp3.1)) (== net6.0)
      System.Drawing.Common (>= 6.0) - restriction: || (&& (== net472) (>= netcoreapp3.1)) (== net6.0)
    xunit (2.4.1)
      xunit.analyzers (>= 0.10)
      xunit.assert (2.4.1)
      xunit.core (2.4.1)
    xunit.abstractions (2.0.3)
    xunit.analyzers (0.10)
    xunit.assert (2.4.1)
      NETStandard.Library (>= 1.6.1) - restriction: || (&& (== net472) (< net452)) (== net6.0)
    xunit.categories (2.0.6)
      xunit (>= 2.4.1)
    xunit.core (2.4.1)
      xunit.extensibility.core (2.4.1)
      xunit.extensibility.execution (2.4.1)
    xunit.extensibility.core (2.4.1)
      NETStandard.Library (>= 1.6.1) - restriction: || (&& (== net472) (< net452)) (== net6.0)
      xunit.abstractions (>= 2.0.3)
    xunit.extensibility.execution (2.4.1)
      NETStandard.Library (>= 1.6.1) - restriction: || (&& (== net472) (< net452)) (== net6.0)
      xunit.extensibility.core (2.4.1)
    xunit.runner.visualstudio (2.4.3)
