RESTRICTION: || (== net8.0) (== netstandard2.1)
NUGET
  remote: https://api.nuget.org/v3/index.json
    AspNetCore.HealthChecks.NpgSql (8.0)
      Microsoft.Extensions.Diagnostics.HealthChecks (>= 8.0)
      Npgsql (>= 8.0)
    AWSSDK.Core (3.7.302.17)
      Microsoft.Bcl.AsyncInterfaces (>= 1.1) - restriction: || (&& (== net8.0) (< netcoreapp3.1)) (== netstandard2.1)
    AWSSDK.Extensions.NETCore.Setup (3.7.300)
      AWSSDK.Core (>= 3.7.300)
      Microsoft.Extensions.Configuration.Abstractions (>= 2.0)
      Microsoft.Extensions.DependencyInjection.Abstractions (>= 2.0)
      Microsoft.Extensions.Logging.Abstractions (>= 2.0)
    AWSSDK.SimpleNotificationService (3.7.301.4)
      AWSSDK.Core (>= 3.7.302.17 < 4.0)
    Be.Vlaanderen.Basisregisters.Build.Pipeline (7.1)
    Be.Vlaanderen.Basisregisters.DockerUtilities (3.0)
      Ductus.FluentDocker (>= 2.10.59)
    Be.Vlaanderen.Basisregisters.GrAr.Notifications (21.0)
      AWSSDK.SimpleNotificationService (>= 3.7.301.3)
      System.Text.Json (>= 8.0.3)
    Castle.Core (5.1.1)
      System.Diagnostics.EventLog (>= 4.7) - restriction: || (&& (== net8.0) (< net6.0)) (&& (== net8.0) (< netstandard2.1)) (== netstandard2.1)
      System.Diagnostics.EventLog (>= 6.0) - restriction: || (== net8.0) (&& (== netstandard2.1) (>= net6.0))
    Datadog.Trace (2.48)
      System.Diagnostics.DiagnosticSource (>= 4.4.1)
      System.Reflection.Emit (>= 4.3) - restriction: || (&& (== net8.0) (< netcoreapp3.1)) (== netstandard2.1)
      System.Reflection.Emit.Lightweight (>= 4.3) - restriction: || (&& (== net8.0) (< netcoreapp3.1)) (== netstandard2.1)
    Datadog.Trace.Bundle (2.48)
      Datadog.Trace (>= 2.48)
    Destructurama.JsonNet (3.0)
      Newtonsoft.Json (>= 13.0.3)
      Serilog (>= 3.1.1)
    Ductus.FluentDocker (2.10.59)
      Newtonsoft.Json (>= 13.0.1)
      SharpCompress (>= 0.29)
    FastExpressionCompiler (4.1) - restriction: || (== net8.0) (&& (== netstandard2.1) (>= net6.0))
    FluentAssertions (6.12)
      System.Configuration.ConfigurationManager (>= 4.4) - restriction: || (== net8.0) (&& (== netstandard2.1) (>= netcoreapp3.0))
    Humanizer.Core (2.14.1) - restriction: || (== net8.0) (&& (== netstandard2.1) (>= net6.0))
    JasperFx.CodeGeneration (3.5) - restriction: || (== net8.0) (&& (== netstandard2.1) (>= net6.0))
      FastExpressionCompiler (>= 4.1) - restriction: || (== net8.0) (&& (== netstandard2.1) (>= net6.0))
      JasperFx.Core (>= 1.5) - restriction: || (== net8.0) (&& (== netstandard2.1) (>= net6.0))
    JasperFx.Core (1.5.1) - restriction: || (== net8.0) (&& (== netstandard2.1) (>= net6.0))
    JasperFx.RuntimeCompiler (3.5) - restriction: || (== net8.0) (&& (== netstandard2.1) (>= net6.0))
      JasperFx.CodeGeneration (>= 3.5) - restriction: || (== net8.0) (&& (== netstandard2.1) (>= net6.0))
      Microsoft.CodeAnalysis (>= 4.8) - restriction: || (== net8.0) (&& (== netstandard2.1) (>= net6.0))
      Microsoft.CodeAnalysis.CSharp (>= 4.8) - restriction: || (== net8.0) (&& (== netstandard2.1) (>= net6.0))
      Microsoft.CodeAnalysis.Scripting (>= 4.8) - restriction: || (== net8.0) (&& (== netstandard2.1) (>= net6.0))
      Microsoft.Extensions.Logging.Abstractions (>= 6.0 < 9.0) - restriction: || (== net8.0) (&& (== netstandard2.1) (>= net6.0))
    Marten (7.2) - restriction: || (== net8.0) (&& (== netstandard2.1) (>= net6.0))
      JasperFx.CodeGeneration (>= 3.5) - restriction: || (== net8.0) (&& (== netstandard2.1) (>= net6.0))
      JasperFx.Core (>= 1.5.1) - restriction: || (== net8.0) (&& (== netstandard2.1) (>= net6.0))
      JasperFx.RuntimeCompiler (>= 3.5) - restriction: || (== net8.0) (&& (== netstandard2.1) (>= net6.0))
      Microsoft.Extensions.DependencyInjection.Abstractions (>= 8.0) - restriction: || (== net8.0) (&& (== netstandard2.1) (>= net6.0))
      Microsoft.Extensions.Hosting.Abstractions (>= 8.0) - restriction: || (== net8.0) (&& (== netstandard2.1) (>= net8.0))
      Microsoft.Extensions.Logging.Abstractions (>= 8.0) - restriction: || (== net8.0) (&& (== netstandard2.1) (>= net6.0))
      Newtonsoft.Json (>= 13.0.3) - restriction: || (== net8.0) (&& (== netstandard2.1) (>= net6.0))
      Npgsql.Json.NET (>= 8.0) - restriction: || (== net8.0) (&& (== netstandard2.1) (>= net6.0))
      Polly (>= 8.2.1) - restriction: || (== net8.0) (&& (== netstandard2.1) (>= net6.0))
      System.Text.Json (>= 8.0) - restriction: || (== net8.0) (&& (== netstandard2.1) (>= net6.0))
      System.Threading.Tasks.Dataflow (>= 8.0) - restriction: || (== net8.0) (&& (== netstandard2.1) (>= net6.0))
      Weasel.Postgresql (>= 7.2) - restriction: || (== net8.0) (&& (== netstandard2.1) (>= net6.0))
    Marten.AspNetCore (7.2)
      Marten (>= 7.2) - restriction: || (== net8.0) (&& (== netstandard2.1) (>= net6.0))
      Microsoft.Extensions.Diagnostics.HealthChecks (>= 8.0) - restriction: || (== net8.0) (&& (== netstandard2.1) (>= net8.0))
    Microsoft.AspNetCore.Authentication.Abstractions (2.2) - restriction: || (&& (== net8.0) (< netcoreapp3.0)) (== netstandard2.1)
      Microsoft.AspNetCore.Http.Abstractions (>= 2.2)
      Microsoft.Extensions.Logging.Abstractions (>= 2.2)
      Microsoft.Extensions.Options (>= 2.2)
    Microsoft.AspNetCore.Authentication.Core (2.2) - restriction: || (&& (== net8.0) (< netcoreapp3.0)) (== netstandard2.1)
      Microsoft.AspNetCore.Authentication.Abstractions (>= 2.2)
      Microsoft.AspNetCore.Http (>= 2.2)
      Microsoft.AspNetCore.Http.Extensions (>= 2.2)
    Microsoft.AspNetCore.Authentication.JwtBearer (8.0.3)
      Microsoft.IdentityModel.Protocols.OpenIdConnect (>= 7.1.2) - restriction: || (== net8.0) (&& (== netstandard2.1) (>= net8.0))
    Microsoft.AspNetCore.Authorization (8.0.3) - restriction: || (&& (== net8.0) (< netcoreapp3.0)) (== netstandard2.1)
      Microsoft.AspNetCore.Metadata (>= 8.0.3)
      Microsoft.Extensions.Logging.Abstractions (>= 8.0.1)
      Microsoft.Extensions.Options (>= 8.0.2)
    Microsoft.AspNetCore.Authorization.Policy (2.2) - restriction: || (&& (== net8.0) (< netcoreapp3.0)) (== netstandard2.1)
      Microsoft.AspNetCore.Authentication.Abstractions (>= 2.2)
      Microsoft.AspNetCore.Authorization (>= 2.2)
    Microsoft.AspNetCore.Hosting.Abstractions (2.2) - restriction: || (&& (== net8.0) (< netcoreapp3.0)) (== netstandard2.1)
      Microsoft.AspNetCore.Hosting.Server.Abstractions (>= 2.2)
      Microsoft.AspNetCore.Http.Abstractions (>= 2.2)
      Microsoft.Extensions.Hosting.Abstractions (>= 2.2)
    Microsoft.AspNetCore.Hosting.Server.Abstractions (2.2) - restriction: || (&& (== net8.0) (< netcoreapp3.0)) (== netstandard2.1)
      Microsoft.AspNetCore.Http.Features (>= 2.2)
      Microsoft.Extensions.Configuration.Abstractions (>= 2.2)
    Microsoft.AspNetCore.Http (2.2.2) - restriction: || (&& (== net8.0) (< netcoreapp3.0)) (== netstandard2.1)
      Microsoft.AspNetCore.Http.Abstractions (>= 2.2)
      Microsoft.AspNetCore.WebUtilities (>= 2.2)
      Microsoft.Extensions.ObjectPool (>= 2.2)
      Microsoft.Extensions.Options (>= 2.2)
      Microsoft.Net.Http.Headers (>= 2.2)
    Microsoft.AspNetCore.Http.Abstractions (2.2) - restriction: || (&& (== net8.0) (< netcoreapp3.0)) (== netstandard2.1)
      Microsoft.AspNetCore.Http.Features (>= 2.2)
      System.Text.Encodings.Web (>= 4.5)
    Microsoft.AspNetCore.Http.Extensions (2.2) - restriction: || (&& (== net8.0) (< netcoreapp3.0)) (== netstandard2.1)
      Microsoft.AspNetCore.Http.Abstractions (>= 2.2)
      Microsoft.Extensions.FileProviders.Abstractions (>= 2.2)
      Microsoft.Net.Http.Headers (>= 2.2)
      System.Buffers (>= 4.5)
    Microsoft.AspNetCore.Http.Features (5.0.17) - restriction: || (&& (== net8.0) (< netcoreapp3.0)) (== netstandard2.1)
      Microsoft.Extensions.Primitives (>= 5.0.1)
      System.IO.Pipelines (>= 5.0.2)
    Microsoft.AspNetCore.Metadata (8.0.3) - restriction: || (&& (== net8.0) (>= net462)) (&& (== net8.0) (< netcoreapp3.0)) (== netstandard2.1)
    Microsoft.AspNetCore.Mvc.Abstractions (2.2) - restriction: || (&& (== net8.0) (< netcoreapp3.0)) (== netstandard2.1)
      Microsoft.AspNetCore.Routing.Abstractions (>= 2.2)
      Microsoft.Net.Http.Headers (>= 2.2)
    Microsoft.AspNetCore.Mvc.ApiExplorer (2.2) - restriction: || (&& (== net8.0) (< netcoreapp3.0)) (== netstandard2.1)
      Microsoft.AspNetCore.Mvc.Core (>= 2.2)
    Microsoft.AspNetCore.Mvc.Core (2.2.5) - restriction: || (&& (== net8.0) (< netcoreapp3.0)) (== netstandard2.1)
      Microsoft.AspNetCore.Authentication.Core (>= 2.2)
      Microsoft.AspNetCore.Authorization.Policy (>= 2.2)
      Microsoft.AspNetCore.Hosting.Abstractions (>= 2.2)
      Microsoft.AspNetCore.Http (>= 2.2)
      Microsoft.AspNetCore.Http.Extensions (>= 2.2)
      Microsoft.AspNetCore.Mvc.Abstractions (>= 2.2)
      Microsoft.AspNetCore.ResponseCaching.Abstractions (>= 2.2)
      Microsoft.AspNetCore.Routing (>= 2.2)
      Microsoft.AspNetCore.Routing.Abstractions (>= 2.2)
      Microsoft.Extensions.DependencyInjection (>= 2.2)
      Microsoft.Extensions.DependencyModel (>= 2.1)
      Microsoft.Extensions.FileProviders.Abstractions (>= 2.2)
      Microsoft.Extensions.Logging.Abstractions (>= 2.2)
      System.Diagnostics.DiagnosticSource (>= 4.5)
      System.Threading.Tasks.Extensions (>= 4.5.1)
    Microsoft.AspNetCore.Mvc.DataAnnotations (2.2) - restriction: || (&& (== net8.0) (< netcoreapp3.0)) (== netstandard2.1)
      Microsoft.AspNetCore.Mvc.Core (>= 2.2)
      Microsoft.Extensions.Localization (>= 2.2)
      System.ComponentModel.Annotations (>= 4.5)
    Microsoft.AspNetCore.Mvc.Testing (8.0.3)
      Microsoft.AspNetCore.TestHost (>= 8.0.3) - restriction: || (== net8.0) (&& (== netstandard2.1) (>= net8.0))
      Microsoft.Extensions.DependencyModel (>= 8.0) - restriction: || (== net8.0) (&& (== netstandard2.1) (>= net8.0))
      Microsoft.Extensions.Hosting (>= 8.0) - restriction: || (== net8.0) (&& (== netstandard2.1) (>= net8.0))
    Microsoft.AspNetCore.ResponseCaching.Abstractions (2.2) - restriction: || (&& (== net8.0) (< netcoreapp3.0)) (== netstandard2.1)
      Microsoft.Extensions.Primitives (>= 2.2)
    Microsoft.AspNetCore.Routing (2.2.2) - restriction: || (&& (== net8.0) (< netcoreapp3.0)) (== netstandard2.1)
      Microsoft.AspNetCore.Http.Extensions (>= 2.2)
      Microsoft.AspNetCore.Routing.Abstractions (>= 2.2)
      Microsoft.Extensions.Logging.Abstractions (>= 2.2)
      Microsoft.Extensions.ObjectPool (>= 2.2)
      Microsoft.Extensions.Options (>= 2.2)
    Microsoft.AspNetCore.Routing.Abstractions (2.2) - restriction: || (&& (== net8.0) (< netcoreapp3.0)) (== netstandard2.1)
      Microsoft.AspNetCore.Http.Abstractions (>= 2.2)
    Microsoft.AspNetCore.StaticFiles (2.2) - restriction: || (&& (== net8.0) (< netcoreapp3.0)) (== netstandard2.1)
      Microsoft.AspNetCore.Hosting.Abstractions (>= 2.2)
      Microsoft.AspNetCore.Http.Extensions (>= 2.2)
      Microsoft.Extensions.FileProviders.Abstractions (>= 2.2)
      Microsoft.Extensions.Logging.Abstractions (>= 2.2)
      Microsoft.Extensions.WebEncoders (>= 2.2)
    Microsoft.AspNetCore.TestHost (8.0.3) - restriction: || (== net8.0) (&& (== netstandard2.1) (>= net8.0))
      System.IO.Pipelines (>= 8.0) - restriction: || (== net8.0) (&& (== netstandard2.1) (>= net8.0))
    Microsoft.AspNetCore.WebUtilities (8.0.3) - restriction: || (&& (== net8.0) (< netcoreapp3.0)) (== netstandard2.1)
    Microsoft.Bcl.AsyncInterfaces (8.0) - restriction: || (&& (== net8.0) (>= net462)) (&& (== net8.0) (< net6.0)) (== netstandard2.1)
    Microsoft.CodeAnalysis (4.9.2) - restriction: || (== net8.0) (&& (== netstandard2.1) (>= net6.0))
      Microsoft.CodeAnalysis.CSharp.Workspaces (4.9.2)
      Microsoft.CodeAnalysis.VisualBasic.Workspaces (4.9.2)
    Microsoft.CodeAnalysis.Analyzers (3.3.4) - restriction: || (== net8.0) (&& (== netstandard2.1) (>= net6.0))
    Microsoft.CodeAnalysis.Common (4.9.2) - restriction: || (== net8.0) (&& (== netstandard2.1) (>= net6.0))
      Microsoft.CodeAnalysis.Analyzers (>= 3.3.4)
      System.Collections.Immutable (>= 8.0)
      System.Reflection.Metadata (>= 8.0)
      System.Runtime.CompilerServices.Unsafe (>= 6.0)
    Microsoft.CodeAnalysis.CSharp (4.9.2) - restriction: || (== net8.0) (&& (== netstandard2.1) (>= net6.0))
      Microsoft.CodeAnalysis.Common (4.9.2)
    Microsoft.CodeAnalysis.CSharp.Scripting (4.9.2) - restriction: || (== net8.0) (&& (== netstandard2.1) (>= net6.0))
      Microsoft.CodeAnalysis.Common (4.9.2)
      Microsoft.CodeAnalysis.CSharp (4.9.2)
      Microsoft.CodeAnalysis.Scripting.Common (4.9.2)
      Microsoft.CSharp (>= 4.7)
    Microsoft.CodeAnalysis.CSharp.Workspaces (4.9.2) - restriction: || (== net8.0) (&& (== netstandard2.1) (>= net6.0))
      Humanizer.Core (>= 2.14.1)
      Microsoft.CodeAnalysis.Common (4.9.2)
      Microsoft.CodeAnalysis.CSharp (4.9.2)
      Microsoft.CodeAnalysis.Workspaces.Common (4.9.2)
    Microsoft.CodeAnalysis.Scripting (4.9.2) - restriction: || (== net8.0) (&& (== netstandard2.1) (>= net6.0))
      Microsoft.CodeAnalysis.CSharp.Scripting (4.9.2)
    Microsoft.CodeAnalysis.Scripting.Common (4.9.2) - restriction: || (== net8.0) (&& (== netstandard2.1) (>= net6.0))
      Microsoft.CodeAnalysis.Common (4.9.2)
    Microsoft.CodeAnalysis.VisualBasic (4.9.2) - restriction: || (== net8.0) (&& (== netstandard2.1) (>= net6.0))
      Microsoft.CodeAnalysis.Common (4.9.2)
    Microsoft.CodeAnalysis.VisualBasic.Workspaces (4.9.2) - restriction: || (== net8.0) (&& (== netstandard2.1) (>= net6.0))
      Microsoft.CodeAnalysis.Common (4.9.2)
      Microsoft.CodeAnalysis.VisualBasic (4.9.2)
      Microsoft.CodeAnalysis.Workspaces.Common (4.9.2)
    Microsoft.CodeAnalysis.Workspaces.Common (4.9.2) - restriction: || (== net8.0) (&& (== netstandard2.1) (>= net6.0))
      Humanizer.Core (>= 2.14.1)
      Microsoft.CodeAnalysis.Common (4.9.2)
      System.Composition (>= 8.0)
      System.IO.Pipelines (>= 8.0)
      System.Threading.Channels (>= 8.0)
    Microsoft.CodeCoverage (17.9) - restriction: || (== net8.0) (&& (== netstandard2.1) (>= net462)) (&& (== netstandard2.1) (>= netcoreapp3.1))
    Microsoft.CSharp (4.7) - restriction: || (== net8.0) (&& (== netstandard2.1) (>= net6.0))
    Microsoft.Extensions.Configuration (8.0) - restriction: || (== net8.0) (&& (== netstandard2.1) (>= net8.0))
      Microsoft.Extensions.Configuration.Abstractions (>= 8.0)
      Microsoft.Extensions.Primitives (>= 8.0)
    Microsoft.Extensions.Configuration.Abstractions (8.0)
      Microsoft.Extensions.Primitives (>= 8.0)
    Microsoft.Extensions.Configuration.Binder (8.0.1)
      Microsoft.Extensions.Configuration.Abstractions (>= 8.0)
    Microsoft.Extensions.Configuration.CommandLine (8.0) - restriction: || (== net8.0) (&& (== netstandard2.1) (>= net8.0))
      Microsoft.Extensions.Configuration (>= 8.0)
      Microsoft.Extensions.Configuration.Abstractions (>= 8.0)
    Microsoft.Extensions.Configuration.EnvironmentVariables (8.0) - restriction: || (== net8.0) (&& (== netstandard2.1) (>= net8.0))
      Microsoft.Extensions.Configuration (>= 8.0)
      Microsoft.Extensions.Configuration.Abstractions (>= 8.0)
    Microsoft.Extensions.Configuration.FileExtensions (8.0) - restriction: || (== net8.0) (&& (== netstandard2.1) (>= net8.0))
      Microsoft.Extensions.Configuration (>= 8.0)
      Microsoft.Extensions.Configuration.Abstractions (>= 8.0)
      Microsoft.Extensions.FileProviders.Abstractions (>= 8.0)
      Microsoft.Extensions.FileProviders.Physical (>= 8.0)
      Microsoft.Extensions.Primitives (>= 8.0)
    Microsoft.Extensions.Configuration.Json (8.0) - restriction: || (== net8.0) (&& (== netstandard2.1) (>= net8.0))
      Microsoft.Extensions.Configuration (>= 8.0)
      Microsoft.Extensions.Configuration.Abstractions (>= 8.0)
      Microsoft.Extensions.Configuration.FileExtensions (>= 8.0)
      Microsoft.Extensions.FileProviders.Abstractions (>= 8.0)
      System.Text.Json (>= 8.0)
    Microsoft.Extensions.Configuration.UserSecrets (8.0) - restriction: || (== net8.0) (&& (== netstandard2.1) (>= net8.0))
      Microsoft.Extensions.Configuration.Abstractions (>= 8.0)
      Microsoft.Extensions.Configuration.Json (>= 8.0)
      Microsoft.Extensions.FileProviders.Abstractions (>= 8.0)
      Microsoft.Extensions.FileProviders.Physical (>= 8.0)
    Microsoft.Extensions.DependencyInjection (8.0)
      Microsoft.Extensions.DependencyInjection.Abstractions (>= 8.0)
    Microsoft.Extensions.DependencyInjection.Abstractions (8.0.1)
    Microsoft.Extensions.DependencyModel (8.0)
      System.Text.Encodings.Web (>= 8.0)
      System.Text.Json (>= 8.0)
    Microsoft.Extensions.Diagnostics (8.0) - restriction: || (== net8.0) (&& (== netstandard2.1) (>= net8.0))
      Microsoft.Extensions.Configuration (>= 8.0)
      Microsoft.Extensions.Diagnostics.Abstractions (>= 8.0)
      Microsoft.Extensions.Options.ConfigurationExtensions (>= 8.0)
    Microsoft.Extensions.Diagnostics.Abstractions (8.0)
      Microsoft.Extensions.DependencyInjection.Abstractions (>= 8.0)
      Microsoft.Extensions.Options (>= 8.0)
      System.Diagnostics.DiagnosticSource (>= 8.0)
    Microsoft.Extensions.Diagnostics.HealthChecks (8.0.3)
      Microsoft.Bcl.AsyncInterfaces (>= 8.0) - restriction: || (&& (== net8.0) (>= net462)) (== netstandard2.1)
      Microsoft.Extensions.Diagnostics.HealthChecks.Abstractions (>= 8.0.3)
      Microsoft.Extensions.Hosting.Abstractions (>= 8.0)
      Microsoft.Extensions.Logging.Abstractions (>= 8.0.1)
      Microsoft.Extensions.Options (>= 8.0.2)
    Microsoft.Extensions.Diagnostics.HealthChecks.Abstractions (8.0.3)
    Microsoft.Extensions.FileProviders.Abstractions (8.0)
      Microsoft.Extensions.Primitives (>= 8.0)
    Microsoft.Extensions.FileProviders.Embedded (8.0.3) - restriction: || (&& (== net8.0) (< netcoreapp3.0)) (== netstandard2.1)
      Microsoft.Extensions.FileProviders.Abstractions (>= 8.0)
    Microsoft.Extensions.FileProviders.Physical (8.0) - restriction: || (== net8.0) (&& (== netstandard2.1) (>= net8.0))
      Microsoft.Extensions.FileProviders.Abstractions (>= 8.0)
      Microsoft.Extensions.FileSystemGlobbing (>= 8.0)
      Microsoft.Extensions.Primitives (>= 8.0)
    Microsoft.Extensions.FileSystemGlobbing (8.0) - restriction: || (== net8.0) (&& (== netstandard2.1) (>= net8.0))
    Microsoft.Extensions.Hosting (8.0) - restriction: || (== net8.0) (&& (== netstandard2.1) (>= net8.0))
      Microsoft.Extensions.Configuration (>= 8.0)
      Microsoft.Extensions.Configuration.Abstractions (>= 8.0)
      Microsoft.Extensions.Configuration.Binder (>= 8.0)
      Microsoft.Extensions.Configuration.CommandLine (>= 8.0)
      Microsoft.Extensions.Configuration.EnvironmentVariables (>= 8.0)
      Microsoft.Extensions.Configuration.FileExtensions (>= 8.0)
      Microsoft.Extensions.Configuration.Json (>= 8.0)
      Microsoft.Extensions.Configuration.UserSecrets (>= 8.0)
      Microsoft.Extensions.DependencyInjection (>= 8.0)
      Microsoft.Extensions.DependencyInjection.Abstractions (>= 8.0)
      Microsoft.Extensions.Diagnostics (>= 8.0)
      Microsoft.Extensions.FileProviders.Abstractions (>= 8.0)
      Microsoft.Extensions.FileProviders.Physical (>= 8.0)
      Microsoft.Extensions.Hosting.Abstractions (>= 8.0)
      Microsoft.Extensions.Logging (>= 8.0)
      Microsoft.Extensions.Logging.Abstractions (>= 8.0)
      Microsoft.Extensions.Logging.Configuration (>= 8.0)
      Microsoft.Extensions.Logging.Console (>= 8.0)
      Microsoft.Extensions.Logging.Debug (>= 8.0)
      Microsoft.Extensions.Logging.EventLog (>= 8.0)
      Microsoft.Extensions.Logging.EventSource (>= 8.0)
      Microsoft.Extensions.Options (>= 8.0)
    Microsoft.Extensions.Hosting.Abstractions (8.0)
      Microsoft.Extensions.Configuration.Abstractions (>= 8.0)
      Microsoft.Extensions.DependencyInjection.Abstractions (>= 8.0)
      Microsoft.Extensions.Diagnostics.Abstractions (>= 8.0)
      Microsoft.Extensions.FileProviders.Abstractions (>= 8.0)
      Microsoft.Extensions.Logging.Abstractions (>= 8.0)
    Microsoft.Extensions.Http (8.0)
      Microsoft.Extensions.Configuration.Abstractions (>= 8.0)
      Microsoft.Extensions.DependencyInjection.Abstractions (>= 8.0)
      Microsoft.Extensions.Diagnostics (>= 8.0) - restriction: || (== net8.0) (&& (== netstandard2.1) (>= net8.0))
      Microsoft.Extensions.Logging (>= 8.0)
      Microsoft.Extensions.Logging.Abstractions (>= 8.0)
      Microsoft.Extensions.Options (>= 8.0)
    Microsoft.Extensions.Localization (8.0.3) - restriction: || (&& (== net8.0) (< netcoreapp3.0)) (== netstandard2.1)
      Microsoft.Extensions.DependencyInjection.Abstractions (>= 8.0.1)
      Microsoft.Extensions.Localization.Abstractions (>= 8.0.3)
      Microsoft.Extensions.Logging.Abstractions (>= 8.0.1)
      Microsoft.Extensions.Options (>= 8.0.2)
    Microsoft.Extensions.Localization.Abstractions (8.0.3) - restriction: || (&& (== net8.0) (>= net462)) (&& (== net8.0) (< netcoreapp3.0)) (== netstandard2.1)
    Microsoft.Extensions.Logging (8.0)
      Microsoft.Extensions.DependencyInjection (>= 8.0)
      Microsoft.Extensions.Logging.Abstractions (>= 8.0)
      Microsoft.Extensions.Options (>= 8.0)
      System.Diagnostics.DiagnosticSource (>= 8.0) - restriction: || (&& (== net8.0) (>= net462)) (&& (== net8.0) (< net6.0)) (&& (== net8.0) (< netstandard2.1)) (== netstandard2.1)
    Microsoft.Extensions.Logging.Abstractions (8.0.1)
      Microsoft.Extensions.DependencyInjection.Abstractions (>= 8.0.1)
      System.Buffers (>= 4.5.1) - restriction: || (&& (== net8.0) (>= net462)) (&& (== net8.0) (< net6.0)) (== netstandard2.1)
      System.Memory (>= 4.5.5) - restriction: || (&& (== net8.0) (>= net462)) (&& (== net8.0) (< net6.0)) (== netstandard2.1)
    Microsoft.Extensions.Logging.Configuration (8.0) - restriction: || (== net8.0) (&& (== netstandard2.1) (>= net8.0))
      Microsoft.Extensions.Configuration (>= 8.0)
      Microsoft.Extensions.Configuration.Abstractions (>= 8.0)
      Microsoft.Extensions.Configuration.Binder (>= 8.0)
      Microsoft.Extensions.DependencyInjection.Abstractions (>= 8.0)
      Microsoft.Extensions.Logging (>= 8.0)
      Microsoft.Extensions.Logging.Abstractions (>= 8.0)
      Microsoft.Extensions.Options (>= 8.0)
      Microsoft.Extensions.Options.ConfigurationExtensions (>= 8.0)
    Microsoft.Extensions.Logging.Console (8.0) - restriction: || (== net8.0) (&& (== netstandard2.1) (>= net8.0))
      Microsoft.Extensions.DependencyInjection.Abstractions (>= 8.0)
      Microsoft.Extensions.Logging (>= 8.0)
      Microsoft.Extensions.Logging.Abstractions (>= 8.0)
      Microsoft.Extensions.Logging.Configuration (>= 8.0)
      Microsoft.Extensions.Options (>= 8.0)
      System.Text.Json (>= 8.0)
    Microsoft.Extensions.Logging.Debug (8.0) - restriction: || (== net8.0) (&& (== netstandard2.1) (>= net8.0))
      Microsoft.Extensions.DependencyInjection.Abstractions (>= 8.0)
      Microsoft.Extensions.Logging (>= 8.0)
      Microsoft.Extensions.Logging.Abstractions (>= 8.0)
    Microsoft.Extensions.Logging.EventLog (8.0) - restriction: || (== net8.0) (&& (== netstandard2.1) (>= net8.0))
      Microsoft.Extensions.DependencyInjection.Abstractions (>= 8.0)
      Microsoft.Extensions.Logging (>= 8.0)
      Microsoft.Extensions.Logging.Abstractions (>= 8.0)
      Microsoft.Extensions.Options (>= 8.0)
      System.Diagnostics.EventLog (>= 8.0)
    Microsoft.Extensions.Logging.EventSource (8.0) - restriction: || (== net8.0) (&& (== netstandard2.1) (>= net8.0))
      Microsoft.Extensions.DependencyInjection.Abstractions (>= 8.0)
      Microsoft.Extensions.Logging (>= 8.0)
      Microsoft.Extensions.Logging.Abstractions (>= 8.0)
      Microsoft.Extensions.Options (>= 8.0)
      Microsoft.Extensions.Primitives (>= 8.0)
      System.Text.Json (>= 8.0)
    Microsoft.Extensions.ObjectPool (8.0.3) - restriction: || (&& (== net8.0) (< netcoreapp3.0)) (== netstandard2.1)
    Microsoft.Extensions.Options (8.0.2)
      Microsoft.Extensions.DependencyInjection.Abstractions (>= 8.0)
      Microsoft.Extensions.Primitives (>= 8.0)
      System.ComponentModel.Annotations (>= 5.0) - restriction: || (&& (== net8.0) (< net6.0)) (&& (== net8.0) (< netstandard2.1)) (== netstandard2.1)
    Microsoft.Extensions.Options.ConfigurationExtensions (8.0) - restriction: || (== net8.0) (&& (== netstandard2.1) (>= net8.0))
      Microsoft.Extensions.Configuration.Abstractions (>= 8.0)
      Microsoft.Extensions.Configuration.Binder (>= 8.0)
      Microsoft.Extensions.DependencyInjection.Abstractions (>= 8.0)
      Microsoft.Extensions.Options (>= 8.0)
      Microsoft.Extensions.Primitives (>= 8.0)
    Microsoft.Extensions.Primitives (8.0)
      System.Memory (>= 4.5.5) - restriction: || (&& (== net8.0) (>= net462)) (&& (== net8.0) (< net6.0)) (== netstandard2.1)
      System.Runtime.CompilerServices.Unsafe (>= 6.0) - restriction: || (&& (== net8.0) (>= net462)) (&& (== net8.0) (< net6.0)) (&& (== net8.0) (< net7.0)) (== netstandard2.1)
    Microsoft.Extensions.WebEncoders (8.0.3) - restriction: || (&& (== net8.0) (< netcoreapp3.0)) (== netstandard2.1)
      Microsoft.Extensions.DependencyInjection.Abstractions (>= 8.0.1)
      Microsoft.Extensions.Options (>= 8.0.2)
      System.Text.Encodings.Web (>= 8.0) - restriction: || (&& (== net8.0) (>= net462)) (== netstandard2.1)
    Microsoft.IdentityModel.Abstractions (7.4) - restriction: || (== net8.0) (&& (== netstandard2.1) (>= net8.0))
    Microsoft.IdentityModel.JsonWebTokens (7.4) - restriction: || (== net8.0) (&& (== netstandard2.1) (>= net8.0))
      Microsoft.IdentityModel.Tokens (>= 7.4)
    Microsoft.IdentityModel.Logging (7.4) - restriction: || (== net8.0) (&& (== netstandard2.1) (>= net8.0))
      Microsoft.IdentityModel.Abstractions (>= 7.4)
    Microsoft.IdentityModel.Protocols (7.4) - restriction: || (== net8.0) (&& (== netstandard2.1) (>= net8.0))
      Microsoft.IdentityModel.Logging (>= 7.4)
      Microsoft.IdentityModel.Tokens (>= 7.4)
    Microsoft.IdentityModel.Protocols.OpenIdConnect (7.4) - restriction: || (== net8.0) (&& (== netstandard2.1) (>= net8.0))
      Microsoft.IdentityModel.Protocols (>= 7.4)
      System.IdentityModel.Tokens.Jwt (>= 7.4)
    Microsoft.IdentityModel.Tokens (7.4) - restriction: || (== net8.0) (&& (== netstandard2.1) (>= net8.0))
      Microsoft.IdentityModel.Logging (>= 7.4)
    Microsoft.Net.Http.Headers (8.0.3) - restriction: || (&& (== net8.0) (< netcoreapp3.0)) (== netstandard2.1)
    Microsoft.NET.Test.Sdk (17.9)
      Microsoft.CodeCoverage (>= 17.9) - restriction: || (== net8.0) (&& (== netstandard2.1) (>= net462)) (&& (== netstandard2.1) (>= netcoreapp3.1))
      Microsoft.TestPlatform.TestHost (>= 17.9) - restriction: || (== net8.0) (&& (== netstandard2.1) (>= netcoreapp3.1))
    Microsoft.NETCore.Platforms (7.0.4) - restriction: || (== net8.0) (&& (== netstandard2.1) (>= net6.0))
    Microsoft.NETCore.Targets (5.0) - restriction: || (== net8.0) (&& (== netstandard2.1) (>= net6.0))
    Microsoft.OpenApi (1.6.14)
    Microsoft.TestPlatform.ObjectModel (17.9) - restriction: || (== net8.0) (&& (== netstandard2.1) (>= netcoreapp3.1))
      System.Reflection.Metadata (>= 1.6)
    Microsoft.TestPlatform.TestHost (17.9) - restriction: || (== net8.0) (&& (== netstandard2.1) (>= netcoreapp3.1))
      Microsoft.TestPlatform.ObjectModel (>= 17.9) - restriction: || (== net8.0) (&& (== netstandard2.1) (>= netcoreapp3.1))
      Newtonsoft.Json (>= 13.0.1) - restriction: || (== net8.0) (&& (== netstandard2.1) (>= netcoreapp3.1))
    Moq (4.20.70)
      Castle.Core (>= 5.1.1)
    Newtonsoft.Json (13.0.3)
    Npgsql (8.0.2)
      Microsoft.Extensions.Logging.Abstractions (>= 8.0)
      System.Collections.Immutable (>= 8.0) - restriction: || (&& (== net8.0) (< net6.0)) (&& (== net8.0) (< netstandard2.1)) (== netstandard2.1)
      System.Diagnostics.DiagnosticSource (>= 8.0) - restriction: || (&& (== net8.0) (< net6.0)) (&& (== net8.0) (< net7.0)) (&& (== net8.0) (< netstandard2.1)) (== netstandard2.1)
      System.Runtime.CompilerServices.Unsafe (>= 6.0) - restriction: || (&& (== net8.0) (< net6.0)) (&& (== net8.0) (< net7.0)) (&& (== net8.0) (< netstandard2.1)) (== netstandard2.1)
      System.Text.Json (>= 8.0) - restriction: || (&& (== net8.0) (< net6.0)) (&& (== net8.0) (< net7.0)) (&& (== net8.0) (< netstandard2.1)) (== netstandard2.1)
      System.Threading.Channels (>= 8.0) - restriction: || (&& (== net8.0) (< net6.0)) (&& (== net8.0) (< netstandard2.1)) (== netstandard2.1)
    Npgsql.Json.NET (8.0.2) - restriction: || (== net8.0) (&& (== netstandard2.1) (>= net6.0))
      Newtonsoft.Json (>= 13.0.3)
      Npgsql (>= 8.0.2)
    Polly (8.3.1) - restriction: || (== net8.0) (&& (== netstandard2.1) (>= net6.0))
      Polly.Core (>= 8.3.1)
    Polly.Core (8.3.1) - restriction: || (== net8.0) (&& (== netstandard2.1) (>= net6.0))
    Serilog (3.1.1)
      System.Diagnostics.DiagnosticSource (>= 7.0.2) - restriction: || (&& (== net8.0) (>= net462) (< netstandard2.0)) (&& (== net8.0) (>= net471)) (&& (== net8.0) (< net5.0)) (&& (== net8.0) (< netstandard2.1)) (== netstandard2.1)
    Serilog.Enrichers.Environment (2.3)
      Serilog (>= 2.3)
    Serilog.Enrichers.Thread (3.1)
      Serilog (>= 2.3)
    Serilog.Extensions.Logging (8.0)
      Microsoft.Extensions.Logging (>= 8.0)
      Serilog (>= 3.1.1)
    Serilog.Formatting.Compact (2.0)
      Serilog (>= 3.1)
    Serilog.Settings.Configuration (8.0)
      Microsoft.Extensions.Configuration.Binder (>= 8.0)
      Microsoft.Extensions.DependencyModel (>= 8.0)
      Serilog (>= 3.1.1)
    Serilog.Sinks.Console (5.0.1)
      Serilog (>= 3.1.1)
    Serilog.Sinks.File (5.0)
      Serilog (>= 2.10)
    SharpCompress (0.36)
      System.Text.Encoding.CodePages (>= 8.0) - restriction: || (&& (== net8.0) (>= net462)) (&& (== net8.0) (< net6.0)) (&& (== net8.0) (< netstandard2.1)) (== netstandard2.1)
      ZstdSharp.Port (>= 0.7.4)
    SourceLink.Copy.PdbFiles (2.8.3) - copy_local: true
    SourceLink.Embed.AllSourceFiles (2.8.3) - copy_local: true
    Swashbuckle.AspNetCore.Swagger (6.5)
      Microsoft.AspNetCore.Routing (>= 2.1) - restriction: || (&& (== net8.0) (< netcoreapp3.0)) (== netstandard2.1)
      Microsoft.OpenApi (>= 1.2.3)
    Swashbuckle.AspNetCore.SwaggerGen (6.5)
      Microsoft.AspNetCore.Mvc.ApiExplorer (>= 2.1) - restriction: || (&& (== net8.0) (< netcoreapp3.0)) (== netstandard2.1)
      Microsoft.AspNetCore.Mvc.DataAnnotations (>= 2.1) - restriction: || (&& (== net8.0) (< netcoreapp3.0)) (== netstandard2.1)
      Swashbuckle.AspNetCore.Swagger (>= 6.5)
      System.Text.Json (>= 4.6) - restriction: || (&& (== net8.0) (< netcoreapp3.0)) (== netstandard2.1)
    Swashbuckle.AspNetCore.SwaggerUI (6.5)
      Microsoft.AspNetCore.Routing (>= 2.1) - restriction: || (&& (== net8.0) (< netcoreapp3.0)) (== netstandard2.1)
      Microsoft.AspNetCore.StaticFiles (>= 2.1) - restriction: || (&& (== net8.0) (< netcoreapp3.0)) (== netstandard2.1)
      Microsoft.Extensions.FileProviders.Embedded (>= 2.1) - restriction: || (&& (== net8.0) (< netcoreapp3.0)) (== netstandard2.1)
      System.Text.Json (>= 4.6) - restriction: || (&& (== net8.0) (< netcoreapp3.0)) (== netstandard2.1)
    System.Buffers (4.5.1) - restriction: || (&& (== net8.0) (>= net462)) (&& (== net8.0) (< net6.0)) (== netstandard2.1)
    System.Collections (4.3) - restriction: || (== net8.0) (&& (== netstandard2.1) (>= net6.0))
      Microsoft.NETCore.Platforms (>= 1.1)
      Microsoft.NETCore.Targets (>= 1.1)
      System.Runtime (>= 4.3)
    System.Collections.Immutable (8.0)
      System.Memory (>= 4.5.5) - restriction: || (&& (== net8.0) (>= net462)) (&& (== net8.0) (< net6.0)) (== netstandard2.1)
      System.Runtime.CompilerServices.Unsafe (>= 6.0) - restriction: || (&& (== net8.0) (>= net462)) (&& (== net8.0) (< net6.0)) (&& (== net8.0) (< net7.0)) (== netstandard2.1)
    System.ComponentModel.Annotations (5.0) - restriction: || (&& (== net8.0) (< net6.0)) (&& (== net8.0) (< netstandard2.1)) (== netstandard2.1)
    System.Composition (8.0) - restriction: || (== net8.0) (&& (== netstandard2.1) (>= net6.0))
      System.Composition.AttributedModel (>= 8.0)
      System.Composition.Convention (>= 8.0)
      System.Composition.Hosting (>= 8.0)
      System.Composition.Runtime (>= 8.0)
      System.Composition.TypedParts (>= 8.0)
    System.Composition.AttributedModel (8.0) - restriction: || (== net8.0) (&& (== netstandard2.1) (>= net6.0))
    System.Composition.Convention (8.0) - restriction: || (== net8.0) (&& (== netstandard2.1) (>= net6.0))
      System.Composition.AttributedModel (>= 8.0)
    System.Composition.Hosting (8.0) - restriction: || (== net8.0) (&& (== netstandard2.1) (>= net6.0))
      System.Composition.Runtime (>= 8.0)
    System.Composition.Runtime (8.0) - restriction: || (== net8.0) (&& (== netstandard2.1) (>= net6.0))
    System.Composition.TypedParts (8.0) - restriction: || (== net8.0) (&& (== netstandard2.1) (>= net6.0))
      System.Composition.AttributedModel (>= 8.0)
      System.Composition.Hosting (>= 8.0)
      System.Composition.Runtime (>= 8.0)
    System.Configuration.ConfigurationManager (8.0) - restriction: || (== net8.0) (&& (== netstandard2.1) (>= netcoreapp3.0))
      System.Diagnostics.EventLog (>= 8.0) - restriction: || (== net8.0) (&& (== netstandard2.1) (>= net7.0))
      System.Security.Cryptography.ProtectedData (>= 8.0)
    System.Data.Common (4.3) - restriction: || (== net8.0) (&& (== netstandard2.1) (>= net6.0))
      System.Collections (>= 4.3)
      System.Globalization (>= 4.3)
      System.IO (>= 4.3)
      System.Resources.ResourceManager (>= 4.3)
      System.Runtime (>= 4.3)
      System.Runtime.Extensions (>= 4.3)
      System.Text.RegularExpressions (>= 4.3)
      System.Threading.Tasks (>= 4.3)
    System.Diagnostics.DiagnosticSource (8.0)
      System.Memory (>= 4.5.5) - restriction: || (&& (== net8.0) (>= net462)) (&& (== net8.0) (< net6.0)) (== netstandard2.1)
      System.Runtime.CompilerServices.Unsafe (>= 6.0) - restriction: || (&& (== net8.0) (>= net462)) (&& (== net8.0) (< net6.0)) (&& (== net8.0) (< net7.0)) (== netstandard2.1)
    System.Diagnostics.EventLog (8.0)
    System.Globalization (4.3) - restriction: || (== net8.0) (&& (== netstandard2.1) (>= net6.0))
      Microsoft.NETCore.Platforms (>= 1.1)
      Microsoft.NETCore.Targets (>= 1.1)
      System.Runtime (>= 4.3)
    System.IdentityModel.Tokens.Jwt (7.4) - restriction: || (== net8.0) (&& (== netstandard2.1) (>= net8.0))
      Microsoft.IdentityModel.JsonWebTokens (>= 7.4)
      Microsoft.IdentityModel.Tokens (>= 7.4)
    System.IO (4.3) - restriction: || (== net8.0) (&& (== netstandard2.1) (>= net6.0))
      Microsoft.NETCore.Platforms (>= 1.1)
      Microsoft.NETCore.Targets (>= 1.1)
      System.Runtime (>= 4.3)
      System.Text.Encoding (>= 4.3)
      System.Threading.Tasks (>= 4.3)
    System.IO.Pipelines (8.0)
    System.Memory (4.5.5) - restriction: || (&& (== net8.0) (>= net462)) (&& (== net8.0) (< net6.0)) (== netstandard2.1)
      System.Buffers (>= 4.5.1) - restriction: || (&& (== net8.0) (>= monotouch)) (&& (== net8.0) (>= net461)) (&& (== net8.0) (< netcoreapp2.0)) (&& (== net8.0) (< netstandard1.1)) (&& (== net8.0) (< netstandard2.0)) (&& (== net8.0) (>= xamarinios)) (&& (== net8.0) (>= xamarinmac)) (&& (== net8.0) (>= xamarintvos)) (&& (== net8.0) (>= xamarinwatchos)) (== netstandard2.1)
      System.Numerics.Vectors (>= 4.4) - restriction: || (&& (== net8.0) (< netcoreapp2.0)) (== netstandard2.1)
      System.Runtime.CompilerServices.Unsafe (>= 4.5.3) - restriction: || (&& (== net8.0) (>= monotouch)) (&& (== net8.0) (>= net461)) (&& (== net8.0) (< netcoreapp2.0)) (&& (== net8.0) (< netcoreapp2.1)) (&& (== net8.0) (< netstandard1.1)) (&& (== net8.0) (< netstandard2.0)) (&& (== net8.0) (>= uap10.1)) (&& (== net8.0) (>= xamarinios)) (&& (== net8.0) (>= xamarinmac)) (&& (== net8.0) (>= xamarintvos)) (&& (== net8.0) (>= xamarinwatchos)) (== netstandard2.1)
    System.Net.Http.Json (8.0)
      System.Buffers (>= 4.5.1) - restriction: || (&& (== net8.0) (>= net462)) (&& (== net8.0) (< net6.0)) (== netstandard2.1)
      System.Memory (>= 4.5.5) - restriction: || (&& (== net8.0) (>= net462)) (&& (== net8.0) (< net6.0)) (== netstandard2.1)
      System.Text.Json (>= 8.0)
      System.Threading.Tasks.Extensions (>= 4.5.4) - restriction: || (&& (== net8.0) (>= net462)) (&& (== net8.0) (< net6.0)) (== netstandard2.1)
    System.Numerics.Vectors (4.5) - restriction: || (&& (== net8.0) (>= net462)) (&& (== net8.0) (< netcoreapp2.0)) (== netstandard2.1)
    System.Reflection (4.3) - restriction: || (== net8.0) (&& (== netstandard2.1) (>= net6.0))
      Microsoft.NETCore.Platforms (>= 1.1)
      Microsoft.NETCore.Targets (>= 1.1)
      System.IO (>= 4.3)
      System.Reflection.Primitives (>= 4.3)
      System.Runtime (>= 4.3)
    System.Reflection.Emit (4.7) - restriction: || (&& (== net8.0) (< netcoreapp3.1)) (== netstandard2.1)
    System.Reflection.Emit.Lightweight (4.7) - restriction: || (&& (== net8.0) (< netcoreapp3.1)) (== netstandard2.1)
    System.Reflection.Metadata (8.0) - restriction: || (== net8.0) (&& (== netstandard2.1) (>= net6.0)) (&& (== netstandard2.1) (>= netcoreapp3.1))
      System.Collections.Immutable (>= 8.0)
    System.Reflection.Primitives (4.3) - restriction: || (== net8.0) (&& (== netstandard2.1) (>= net6.0))
      Microsoft.NETCore.Platforms (>= 1.1)
      Microsoft.NETCore.Targets (>= 1.1)
      System.Runtime (>= 4.3)
    System.Resources.ResourceManager (4.3) - restriction: || (== net8.0) (&& (== netstandard2.1) (>= net6.0))
      Microsoft.NETCore.Platforms (>= 1.1)
      Microsoft.NETCore.Targets (>= 1.1)
      System.Globalization (>= 4.3)
      System.Reflection (>= 4.3)
      System.Runtime (>= 4.3)
    System.Runtime (4.3.1) - restriction: || (== net8.0) (&& (== netstandard2.1) (>= net6.0))
      Microsoft.NETCore.Platforms (>= 1.1.1)
      Microsoft.NETCore.Targets (>= 1.1.3)
    System.Runtime.CompilerServices.Unsafe (6.0)
    System.Runtime.Extensions (4.3.1) - restriction: || (== net8.0) (&& (== netstandard2.1) (>= net6.0))
      Microsoft.NETCore.Platforms (>= 1.1.1)
      Microsoft.NETCore.Targets (>= 1.1.3)
      System.Runtime (>= 4.3.1)
    System.Security.Cryptography.ProtectedData (8.0) - restriction: || (== net8.0) (&& (== netstandard2.1) (>= net6.0)) (&& (== netstandard2.1) (>= netcoreapp3.0))
    System.Text.Encoding (4.3) - restriction: || (== net8.0) (&& (== netstandard2.1) (>= net6.0))
      Microsoft.NETCore.Platforms (>= 1.1)
      Microsoft.NETCore.Targets (>= 1.1)
      System.Runtime (>= 4.3)
    System.Text.Encoding.CodePages (8.0) - restriction: || (&& (== net8.0) (>= net462)) (&& (== net8.0) (< net6.0)) (&& (== net8.0) (< netstandard2.1)) (== netstandard2.1)
      System.Memory (>= 4.5.5) - restriction: || (&& (== net8.0) (>= net462)) (&& (== net8.0) (< net6.0)) (== netstandard2.1)
      System.Runtime.CompilerServices.Unsafe (>= 6.0) - restriction: || (&& (== net8.0) (>= net462)) (&& (== net8.0) (< net6.0)) (&& (== net8.0) (< net7.0)) (== netstandard2.1)
    System.Text.Encodings.Web (8.0)
      System.Buffers (>= 4.5.1) - restriction: || (&& (== net8.0) (>= net462)) (&& (== net8.0) (< net6.0)) (== netstandard2.1)
      System.Memory (>= 4.5.5) - restriction: || (&& (== net8.0) (>= net462)) (&& (== net8.0) (< net6.0)) (== netstandard2.1)
      System.Runtime.CompilerServices.Unsafe (>= 6.0) - restriction: || (&& (== net8.0) (>= net462)) (&& (== net8.0) (< net6.0)) (&& (== net8.0) (< net7.0)) (== netstandard2.1)
    System.Text.Json (8.0.3)
      Microsoft.Bcl.AsyncInterfaces (>= 8.0) - restriction: || (&& (== net8.0) (>= net462)) (&& (== net8.0) (< net6.0)) (== netstandard2.1)
      System.Buffers (>= 4.5.1) - restriction: || (&& (== net8.0) (>= net462)) (&& (== net8.0) (< net6.0)) (== netstandard2.1)
      System.Memory (>= 4.5.5) - restriction: || (&& (== net8.0) (>= net462)) (&& (== net8.0) (< net6.0)) (== netstandard2.1)
      System.Runtime.CompilerServices.Unsafe (>= 6.0) - restriction: || (&& (== net8.0) (>= net462)) (&& (== net8.0) (< net6.0)) (&& (== net8.0) (< net7.0)) (== netstandard2.1)
      System.Text.Encodings.Web (>= 8.0)
      System.Threading.Tasks.Extensions (>= 4.5.4) - restriction: || (&& (== net8.0) (>= net462)) (&& (== net8.0) (< net6.0)) (== netstandard2.1)
    System.Text.RegularExpressions (4.3.1) - restriction: || (== net8.0) (&& (== netstandard2.1) (>= net6.0))
      System.Runtime (>= 4.3.1)
    System.Threading.Channels (8.0)
    System.Threading.Tasks (4.3) - restriction: || (== net8.0) (&& (== netstandard2.1) (>= net6.0))
      Microsoft.NETCore.Platforms (>= 1.1)
      Microsoft.NETCore.Targets (>= 1.1)
      System.Runtime (>= 4.3)
    System.Threading.Tasks.Dataflow (8.0) - restriction: || (== net8.0) (&& (== netstandard2.1) (>= net6.0))
    System.Threading.Tasks.Extensions (4.5.4) - restriction: || (&& (== net8.0) (>= net462)) (&& (== net8.0) (< net6.0)) (== netstandard2.1)
      System.Runtime.CompilerServices.Unsafe (>= 4.5.3) - restriction: || (&& (== net8.0) (>= net461)) (&& (== net8.0) (< netcoreapp2.1)) (&& (== net8.0) (< netstandard1.0)) (&& (== net8.0) (< netstandard2.0)) (&& (== net8.0) (>= wp8)) (== netstandard2.1)
    Weasel.Core (7.2.1) - restriction: || (== net8.0) (&& (== netstandard2.1) (>= net6.0))
      JasperFx.Core (>= 1.5.1) - restriction: || (== net8.0) (&& (== netstandard2.1) (>= net6.0))
      System.Data.Common (>= 4.3) - restriction: || (== net8.0) (&& (== netstandard2.1) (>= net6.0))
    Weasel.Postgresql (7.2.1) - restriction: || (== net8.0) (&& (== netstandard2.1) (>= net6.0))
      Npgsql (>= 8.0.2) - restriction: || (== net8.0) (&& (== netstandard2.1) (>= net6.0))
      Weasel.Core (>= 7.2.1) - restriction: || (== net8.0) (&& (== netstandard2.1) (>= net6.0))
    xunit (2.7)
      xunit.analyzers (>= 1.11)
      xunit.assert (>= 2.7)
      xunit.core (2.7)
    xunit.abstractions (2.0.3)
    xunit.analyzers (1.11)
    xunit.assert (2.7)
    xunit.categories (2.0.8)
      xunit.core (>= 2.4.1)
    xunit.core (2.7)
      xunit.extensibility.core (2.7)
      xunit.extensibility.execution (2.7)
    xunit.extensibility.core (2.7)
      xunit.abstractions (>= 2.0.3)
    xunit.extensibility.execution (2.7)
      xunit.extensibility.core (2.7)
    xunit.runner.visualstudio (2.5.7)
    ZstdSharp.Port (0.7.5)
      System.Runtime.CompilerServices.Unsafe (>= 6.0) - restriction: || (&& (== net8.0) (< netcoreapp3.1)) (== netstandard2.1)
